
type = string-attribute
name = HISTORY_NOTE
count = 145
'[kylealmryde@hagar.local: Mon Jun 20 17:01:58 2011] 3dTcat -prefix S46_voice_tcat '/Volumes/Data/Stroop/S46/run_voice/S46_voice_epan+orig[4..$]'~

type = string-attribute
name = TYPESTRING
count = 15
'3DIM_HEAD_ANAT~

type = string-attribute
name = IDCODE_STRING
count = 27
'XYZ_IplnJK6Wba-bmatRNm-4ng~

type = string-attribute
name = IDCODE_DATE
count = 25
'Mon Jun 20 17:01:58 2011~

type = integer-attribute
name = SCENE_DATA
count = 8
 0 2 0 -999 -999
 -999 -999 -999

type = string-attribute
name = LABEL_1
count = 5
'zyxt~

type = string-attribute
name = LABEL_2
count = 5
'zyxt~

type = string-attribute
name = DATASET_NAME
count = 5
'zyxt~

type = integer-attribute
name = ORIENT_SPECIFIC
count = 3
 0 3 4

type  = float-attribute
name  = ORIGIN
count = 3
       -118.125       -118.125          -62.5

type  = float-attribute
name  = DELTA
count = 3
           3.75           3.75              5

type  = float-attribute
name  = IJK_TO_DICOM
count = 12
           3.75              0              0       -118.125              0
           3.75              0       -118.125              0              0
              5          -62.5

type  = float-attribute
name  = IJK_TO_DICOM_REAL
count = 12
           3.75              0              0       -118.125              0
           3.75              0       -118.125              0              0
              5          -62.5

type  = float-attribute
name  = BRICK_STATS
count = 420
         -32768          30869         -32768          30896         -32768
          30840         -32768          30669         -32768          31232
         -32768          32176         -32768          32682         -32768
          32547         -32768          32518         -32768          31897
         -32768          32332         -32768          32511         -32768
          32272         -32768          32318         -32768          32107
         -32768          32174         -32768          32460         -32768
          32071         -32768          30780         -32768          30888
         -32768          30831         -32768          30729         -32768
          32756         -32768          30744         -32768          30730
         -32768          30802         -32768          30817         -32768
          30929         -32768          31010         -32768          30654
         -32768          30739         -32768          30757         -32768
          30748         -32768          30694         -32768          30580
         -32768          30521         -32768          30391         -32768
          30545         -32768          30438         -32768          30225
         -32768          30294         -32768          30362         -32768
          30579         -32768          30517         -32768          30743
         -32768          30845         -32768          30721         -32768
          30945         -32768          31069         -32768          31025
         -32768          30836         -32768          31023         -32768
          30932         -32768          30867         -32768          30889
         -32768          30769         -32768          30799         -32768
          30875         -32768          31002         -32768          30843
         -32768          31156         -32768          31154         -32768
          30835         -32768          30970         -32768          30926
         -32768          30621         -32768          30940         -32768
          30672         -32768          30782         -32768          30850
         -32768          31002         -32768          30807         -32768
          30985         -32768          30957         -32768          30698
         -32768          30957         -32768          31050         -32768
          30912         -32768          31015         -32768          31536
         -32768          31038         -32768          31249         -32768
          31378         -32768          31130         -32768          31208
         -32768          31281         -32768          31168         -32768
          31000         -32768          31036         -32768          30828
         -32768          30902         -32768          31249         -32768
          30806         -32768          30857         -32768          31063
         -32768          30797         -32768          30455         -32768
          30555         -32768          30892         -32768          30386
         -32768          30061         -32768          30116         -32768
          30002         -32768          30495         -32768          30198
         -32768          30314         -32768          30092         -32768
          30444         -32768          30852         -32768          30617
         -32768          30282         -32768          30221         -32768
          30198         -32768          30161         -32768          30129
         -32768          29983         -32768          29483         -32768
          29368         -32768          29683         -32768          29695
         -32768          30075         -32768          29778         -32768
          30500         -32768          29876         -32768          30123
         -32768          30132         -32768          30052         -32768
          30049         -32768          29843         -32768          29544
         -32768          29506         -32768          29681         -32768
          29850         -32768          29875         -32768          29964
         -32768          29627         -32768          29746         -32768
          29657         -32768          29734         -32768          29649
         -32768          29583         -32768          29330         -32768
          29279         -32768          29370         -32768          29537
         -32768          29279         -32768          29439         -32768
          29279         -32768          29292         -32768          29209
         -32768          29336         -32768          29500         -32768
          29203         -32768          29248         -32768          29324
         -32768          29706         -32768          29353         -32768
          29461         -32768          29702         -32768          29526
         -32768          29280         -32768          29123         -32768
          29392         -32768          29247         -32768          29787
         -32768          29547         -32768          29211         -32768
          29415         -32768          29525         -32768          29448
         -32768          29878         -32768          29623         -32768
          29465         -32768          29707         -32768          29478
         -32768          29556         -32768          29541         -32768
          29556         -32768          29783         -32768          29364
         -32768          29489         -32768          29325         -32768
          29562         -32768          29200         -32768          29408
         -32768          29435         -32768          29478         -32768
          29419         -32768          29583         -32768          29627
         -32768          29483         -32768          29592         -32768
          29436         -32768          29442         -32768          30917
         -32768          29182         -32768          29235         -32768
          29235         -32768          29324         -32768          29242
         -32768          29249         -32768          29328         -32768
          29127         -32768          29224         -32768          30975
         -32768          30556         -32768          29246         -32768
          29237         -32768          29308         -32768          29168

type = integer-attribute
name = TAXIS_NUMS
count = 8
 210 26 77002 -999 -999
 -999 -999 -999

type  = float-attribute
name  = TAXIS_FLOATS
count = 8
              0            3.5              0          -62.5              5
        -999999        -999999        -999999

type  = float-attribute
name  = TAXIS_OFFSETS
count = 26
            2.7          2.592          2.484          2.376          2.268
           2.16          2.052          1.944          1.836          1.728
           1.62          1.512          1.404          1.296          1.188
           1.08          0.972          0.864          0.756          0.648
           0.54          0.432          0.324          0.216          0.108
              0

type = integer-attribute
name = DATASET_RANK
count = 8
 3 210 0 0 0
 0 0 0

type = integer-attribute
name = DATASET_DIMENSIONS
count = 5
 64 64 26 0 0

type = integer-attribute
name = BRICK_TYPES
count = 210
 1 1 1 1 1
 1 1 1 1 1
 1 1 1 1 1
 1 1 1 1 1
 1 1 1 1 1
 1 1 1 1 1
 1 1 1 1 1
 1 1 1 1 1
 1 1 1 1 1
 1 1 1 1 1
 1 1 1 1 1
 1 1 1 1 1
 1 1 1 1 1
 1 1 1 1 1
 1 1 1 1 1
 1 1 1 1 1
 1 1 1 1 1
 1 1 1 1 1
 1 1 1 1 1
 1 1 1 1 1
 1 1 1 1 1
 1 1 1 1 1
 1 1 1 1 1
 1 1 1 1 1
 1 1 1 1 1
 1 1 1 1 1
 1 1 1 1 1
 1 1 1 1 1
 1 1 1 1 1
 1 1 1 1 1
 1 1 1 1 1
 1 1 1 1 1
 1 1 1 1 1
 1 1 1 1 1
 1 1 1 1 1
 1 1 1 1 1
 1 1 1 1 1
 1 1 1 1 1
 1 1 1 1 1
 1 1 1 1 1
 1 1 1 1 1
 1 1 1 1 1

type  = float-attribute
name  = BRICK_FLOAT_FACS
count = 210
              0              0              0              0              0
              0              0              0              0              0
              0              0              0              0              0
              0              0              0              0              0
              0              0              0              0              0
              0              0              0              0              0
              0              0              0              0              0
              0              0              0              0              0
              0              0              0              0              0
              0              0              0              0              0
              0              0              0              0              0
              0              0              0              0              0
              0              0              0              0              0
              0              0              0              0              0
              0              0              0              0              0
              0              0              0              0              0
              0              0              0              0              0
              0              0              0              0              0
              0              0              0              0              0
              0              0              0              0              0
              0              0              0              0              0
              0              0              0              0              0
              0              0              0              0              0
              0              0              0              0              0
              0              0              0              0              0
              0              0              0              0              0
              0              0              0              0              0
              0              0              0              0              0
              0              0              0              0              0
              0              0              0              0              0
              0              0              0              0              0
              0              0              0              0              0
              0              0              0              0              0
              0              0              0              0              0
              0              0              0              0              0
              0              0              0              0              0
              0              0              0              0              0
              0              0              0              0              0
              0              0              0              0              0
              0              0              0              0              0
              0              0              0              0              0
              0              0              0              0              0

type = string-attribute
name = BRICK_LABS
count = 948
'#4~#5~#6~#7~#8~#9~#10~#11~#12~#13~#14~#15~#16~#17~#18~#19~#20~#21~#22~#23~#24~#25~#26~#27~#28~#29~#30~#31~#32~#33~#34~#35~#36~#37~#38~#39~#40~#41~#42~#43~#44~#45~#46~#47~#48~#49~#50~#51~#52~#53~#54~#55~#56~#57~#58~#59~#60~#61~#62~#63~#64~#65~#66~#67~#68~#69~#70~#71~#72~#73~#74~#75~#76~#77~#78~#79~#80~#81~#82~#83~#84~#85~#86~#87~#88~#89~#90~#91~#92~#93~#94~#95~#96~#97~#98~#99~#100~#101~#102~#103~#104~#105~#106~#107~#108~#109~#110~#111~#112~#113~#114~#115~#116~#117~#118~#119~#120~#121~#122~#123~#124~#125~#126~#127~#128~#129~#130~#131~#132~#133~#134~#135~#136~#137~#138~#139~#140~#141~#142~#143~#144~#145~#146~#147~#148~#149~#150~#151~#152~#153~#154~#155~#156~#157~#158~#159~#160~#161~#162~#163~#164~#165~#166~#167~#168~#169~#170~#171~#172~#173~#174~#175~#176~#177~#178~#179~#180~#181~#182~#183~#184~#185~#186~#187~#188~#189~#190~#191~#192~#193~#194~#195~#196~#197~#198~#199~#200~#201~#202~#203~#204~#205~#206~#207~#208~#209~#210~#211~#212~#213~

type = string-attribute
name = TEMPLATE_SPACE
count = 5
'ORIG~

type = integer-attribute
name = INT_CMAP
count = 1
 0

type = string-attribute
name = BYTEORDER_STRING
count = 10
'LSB_FIRST~
