
type = string-attribute
name = HISTORY_NOTE
count = 276
'[kylealmryde@hagar.local: Mon Jun 20 17:01:58 2011] 3dTcat -prefix S46_voice_tcat '/Volumes/Data/Stroop/S46/run_voice/S46_voice_epan+orig[4..$]'\n[kylealmryde@hagar.local: Mon Jun 20 17:01:59 2011] 3dTshift -tzero 0 -rlt+ -quintic -prefix S46_voice_tshift S46_voice_tcat+orig~

type = string-attribute
name = TYPESTRING
count = 15
'3DIM_HEAD_ANAT~

type = string-attribute
name = IDCODE_STRING
count = 27
'XYZ_ll0HXRE5Q4gx-p56baJbuw~

type = string-attribute
name = IDCODE_DATE
count = 25
'Mon Jun 20 17:01:59 2011~

type = integer-attribute
name = SCENE_DATA
count = 8
 0 2 0 -999 -999
 -999 -999 -999

type = string-attribute
name = LABEL_1
count = 17
'S46_voice_tshift~

type = string-attribute
name = LABEL_2
count = 5
'zyxt~

type = string-attribute
name = DATASET_NAME
count = 5
'zyxt~

type = integer-attribute
name = ORIENT_SPECIFIC
count = 3
 0 3 4

type  = float-attribute
name  = ORIGIN
count = 3
       -118.125       -118.125          -62.5

type  = float-attribute
name  = DELTA
count = 3
           3.75           3.75              5

type  = float-attribute
name  = IJK_TO_DICOM
count = 12
           3.75              0              0       -118.125              0
           3.75              0       -118.125              0              0
              5          -62.5

type  = float-attribute
name  = IJK_TO_DICOM_REAL
count = 12
           3.75              0              0       -118.125              0
           3.75              0       -118.125              0              0
              5          -62.5

type  = float-attribute
name  = BRICK_STATS
count = 420
         -32767          32364         -32767          30844         -32767
          30920         -32767          30954         -32767          31024
         -32767          31394         -32767          32767         -32767
          32606         -32767          32767         -32767          32767
         -32767          32767         -32767          32767         -32767
          32767         -32767          32767         -32767          32767
         -32767          32767         -32767          32767         -32767
          32767         -32767          32767         -32767          31087
         -32767          31147         -32767          31033         -32767
          32767         -32767          32767         -32767          32767
         -32767          32767         -32767          32767         -32767
          32767         -32767          32767         -32767          32767
         -32767          32767         -32767          32767         -32767
          32767         -32767          32767         -32767          32767
         -32767          32767         -32767          32767         -32767
          30940         -32767          31040         -32767          30855
         -32767          30765         -32767          30858         -32767
          31022         -32767          31129         -32767          32767
         -32767          32767         -32767          32767         -32767
          32767         -32767          32767         -32767          32767
         -32767          32767         -32767          32767         -32767
          32767         -32767          32767         -32767          32767
         -32767          32767         -32767          32767         -32767
          32767         -32767          32767         -32767          32767
         -32767          32767         -32767          32767         -32767
          32767         -32767          32767         -32767          32767
         -32767          31639         -32767          31629         -32767
          32767         -32767          32767         -32767          32767
         -32767          32767         -32767          32767         -32767
          32767         -32767          32767         -32767          32767
         -32767          32767         -32767          32767         -32767
          32767         -32767          32767         -32767          32767
         -32767          32767         -32767          32767         -32767
          32767         -32767          32767         -32767          32767
         -32767          32767         -32767          32767         -32767
          32767         -32767          32767         -32767          32767
         -32767          32767         -32767          32767         -32767
          32767         -32767          32767         -32767          32767
         -32767          32767         -32767          32767         -32767
          32767         -32767          32767         -32767          32767
         -32767          32767         -32767          32767         -32767
          32767         -32767          32767         -32767          32767
         -32767          32767         -32767          32767         -32767
          32767         -32767          32767         -32767          32767
         -32767          32767         -32767          32767         -32767
          32767         -32767          32767         -32767          32767
         -32767          32767         -32767          32767         -32767
          32767         -32767          31080         -32767          31283
         -32767          32767         -32767          32767         -32767
          32767         -32767          32767         -32767          32767
         -32767          32767         -32767          32767         -32767
          31764         -32767          31710         -32767          31443
         -32767          31241         -32767          31325         -32767
          31539         -32767          31651         -32767          31741
         -32767          31640         -32767          31481         -32767
          31560         -32767          31541         -32767          31577
         -32767          31535         -32767          32767         -32767
          32767         -32767          31002         -32767          30625
         -32767          32767         -32767          32767         -32767
          30248         -32767          30477         -32767          32767
         -32767          30886         -32767          31051         -32767
          32767         -32767          32767         -32767          32767
         -32767          31905         -32767          31082         -32767
          32767         -32767          32767         -32767          30917
         -32767          31052         -32767          32767         -32767
          32767         -32767          30564         -32767          30713
         -32767          32767         -32767          32767         -32767
          30982         -32767          31068         -32767          31303
         -32767          31629         -32767          31180         -32767
          31404         -32767          31546         -32767          31445
         -32767          31771         -32767          31944         -32767
          31896         -32767          32068         -32767          32053
         -32767          31700         -32767          32031         -32767
          32457         -32767          32767         -32767          32767
         -32767          32767         -32767          32767         -32767
          32767         -32767          32767         -32767          32767
         -32767          32767         -32767          32767         -32767
          32767         -32767          31982         -32767          32767
         -32767          32767         -32767          32767         -32767
          32767         -32767          32767         -32767          32767
         -32767          32767         -32767          32767         -32767
          32767         -32767          32767         -32767          32767
         -32767          32767         -32767          32767         -32767
          32767         -32767          32767         -32767          32767

type = integer-attribute
name = TAXIS_NUMS
count = 8
 210 0 77002 -999 -999
 -999 -999 -999

type  = float-attribute
name  = TAXIS_FLOATS
count = 8
              0            3.5              0          -62.5              5
        -999999        -999999        -999999

type = integer-attribute
name = DATASET_RANK
count = 8
 3 210 0 0 0
 0 0 0

type = integer-attribute
name = DATASET_DIMENSIONS
count = 5
 64 64 26 0 0

type = integer-attribute
name = BRICK_TYPES
count = 210
 1 1 1 1 1
 1 1 1 1 1
 1 1 1 1 1
 1 1 1 1 1
 1 1 1 1 1
 1 1 1 1 1
 1 1 1 1 1
 1 1 1 1 1
 1 1 1 1 1
 1 1 1 1 1
 1 1 1 1 1
 1 1 1 1 1
 1 1 1 1 1
 1 1 1 1 1
 1 1 1 1 1
 1 1 1 1 1
 1 1 1 1 1
 1 1 1 1 1
 1 1 1 1 1
 1 1 1 1 1
 1 1 1 1 1
 1 1 1 1 1
 1 1 1 1 1
 1 1 1 1 1
 1 1 1 1 1
 1 1 1 1 1
 1 1 1 1 1
 1 1 1 1 1
 1 1 1 1 1
 1 1 1 1 1
 1 1 1 1 1
 1 1 1 1 1
 1 1 1 1 1
 1 1 1 1 1
 1 1 1 1 1
 1 1 1 1 1
 1 1 1 1 1
 1 1 1 1 1
 1 1 1 1 1
 1 1 1 1 1
 1 1 1 1 1
 1 1 1 1 1

type  = float-attribute
name  = BRICK_FLOAT_FACS
count = 210
              0              0              0              0              0
              0              0              0              0              0
              0              0              0              0              0
              0              0              0              0              0
              0              0              0              0              0
              0              0              0              0              0
              0              0              0              0              0
              0              0              0              0              0
              0              0              0              0              0
              0              0              0              0              0
              0              0              0              0              0
              0              0              0              0              0
              0              0              0              0              0
              0              0              0              0              0
              0              0              0              0              0
              0              0              0              0              0
              0              0              0              0              0
              0              0              0              0              0
              0              0              0              0              0
              0              0              0              0              0
              0              0              0              0              0
              0              0              0              0              0
              0              0              0              0              0
              0              0              0              0              0
              0              0              0              0              0
              0              0              0              0              0
              0              0              0              0              0
              0              0              0              0              0
              0              0              0              0              0
              0              0              0              0              0
              0              0              0              0              0
              0              0              0              0              0
              0              0              0              0              0
              0              0              0              0              0
              0              0              0              0              0
              0              0              0              0              0
              0              0              0              0              0
              0              0              0              0              0
              0              0              0              0              0
              0              0              0              0              0
              0              0              0              0              0
              0              0              0              0              0

type = string-attribute
name = BRICK_LABS
count = 948
'#4~#5~#6~#7~#8~#9~#10~#11~#12~#13~#14~#15~#16~#17~#18~#19~#20~#21~#22~#23~#24~#25~#26~#27~#28~#29~#30~#31~#32~#33~#34~#35~#36~#37~#38~#39~#40~#41~#42~#43~#44~#45~#46~#47~#48~#49~#50~#51~#52~#53~#54~#55~#56~#57~#58~#59~#60~#61~#62~#63~#64~#65~#66~#67~#68~#69~#70~#71~#72~#73~#74~#75~#76~#77~#78~#79~#80~#81~#82~#83~#84~#85~#86~#87~#88~#89~#90~#91~#92~#93~#94~#95~#96~#97~#98~#99~#100~#101~#102~#103~#104~#105~#106~#107~#108~#109~#110~#111~#112~#113~#114~#115~#116~#117~#118~#119~#120~#121~#122~#123~#124~#125~#126~#127~#128~#129~#130~#131~#132~#133~#134~#135~#136~#137~#138~#139~#140~#141~#142~#143~#144~#145~#146~#147~#148~#149~#150~#151~#152~#153~#154~#155~#156~#157~#158~#159~#160~#161~#162~#163~#164~#165~#166~#167~#168~#169~#170~#171~#172~#173~#174~#175~#176~#177~#178~#179~#180~#181~#182~#183~#184~#185~#186~#187~#188~#189~#190~#191~#192~#193~#194~#195~#196~#197~#198~#199~#200~#201~#202~#203~#204~#205~#206~#207~#208~#209~#210~#211~#212~#213~

type = string-attribute
name = BRICK_KEYWORDS
count = 210
'~~~~~~~~~~~~~~~~~~~~~~~~~~~~~~~~~~~~~~~~~~~~~~~~~~~~~~~~~~~~~~~~~~~~~~~~~~~~~~~~~~~~~~~~~~~~~~~~~~~~~~~~~~~~~~~~~~~~~~~~~~~~~~~~~~~~~~~~~~~~~~~~~~~~~~~~~~~~~~~~~~~~~~~~~~~~~~~~~~~~~~~~~~~~~~~~~~~~~~~~~~~~~~~~~~

type = string-attribute
name = TEMPLATE_SPACE
count = 5
'ORIG~

type = integer-attribute
name = INT_CMAP
count = 1
 0

type = string-attribute
name = BYTEORDER_STRING
count = 10
'LSB_FIRST~
