
type = string-attribute
name = HISTORY_NOTE
count = 599
'[kylealmryde@hagar.local: Mon Jun 20 17:01:58 2011] 3dTcat -prefix S46_voice_tcat '/Volumes/Data/Stroop/S46/run_voice/S46_voice_epan+orig[4..$]'\n[kylealmryde@hagar.local: Mon Jun 20 17:01:59 2011] 3dTshift -tzero 0 -rlt+ -quintic -prefix S46_voice_tshift S46_voice_tcat+orig\n[kylealmryde@hagar.local: Mon Jun 20 17:02:02 2011] 3dvolreg -verbose -zpad 1 -base 'S46_voice_tshift+orig[78]' -1Dfile dfile_S46_voice.1D -prefix S46_voice_volreg -cubic S46_voice_tshift+orig\n[kylealmryde@hagar.local: Mon Jun 20 17:02:06 2011] 3dmerge -1blur_fwhm 6.0 -doall -prefix S46_voice_blur S46_voice_volreg+orig~

type = string-attribute
name = TYPESTRING
count = 15
'3DIM_HEAD_ANAT~

type = string-attribute
name = IDCODE_STRING
count = 27
'XYZ_k3GCppLe1XqsHh4edPDaJg~

type = string-attribute
name = IDCODE_DATE
count = 25
'Mon Jun 20 17:02:06 2011~

type = integer-attribute
name = SCENE_DATA
count = 8
 0 2 0 -999 -999
 -999 -999 -999

type = string-attribute
name = LABEL_1
count = 15
'S46_voice_blur~

type = string-attribute
name = LABEL_2
count = 5
'zyxt~

type = string-attribute
name = DATASET_NAME
count = 9
'zyxt(ED)~

type = integer-attribute
name = ORIENT_SPECIFIC
count = 3
 0 3 4

type  = float-attribute
name  = ORIGIN
count = 3
       -118.125       -118.125          -62.5

type  = float-attribute
name  = DELTA
count = 3
           3.75           3.75              5

type  = float-attribute
name  = IJK_TO_DICOM
count = 12
           3.75              0              0       -118.125              0
           3.75              0       -118.125              0              0
              5          -62.5

type  = float-attribute
name  = IJK_TO_DICOM_REAL
count = 12
           3.75              0              0       -118.125              0
           3.75              0       -118.125              0              0
              5          -62.5

type  = float-attribute
name  = BRICK_STATS
count = 420
            146          25066            143          24890            142
          24879            143          24896            136          25120
            147          24913            135          24899            142
          24842            145          24906            145          25099
            141          24977            146          24969            140
          25032            144          24866            146          24879
            146          25013            138          24984            146
          24923            143          25059            139          25060
            148          25031            144          24931            139
          25092            142          25072            146          25003
            147          25163            145          25049            147
          24956            144          25096            149          25145
            140          25038            145          25139            142
          25020            148          24925            146          25012
            142          25097            144          25074            147
          24968            150          25153            143          25168
            144          25112            143          25184            146
          25086            142          25008            148          24921
            148          24919            145          25022            144
          24972            144          24980            145          24897
            144          24988            141          25002            148
          25014            146          25018            148          24952
            139          24960            142          24884            144
          24878            149          24959            148          25070
            146          24925            143          24931            145
          24927            148          24930            146          25004
            151          25005            150          25016            141
          24920            148          24952            152          24985
            145          25027            141          25074            148
          24955          -2155          24982            144          25039
            143          25129            146          25044            146
          24862            144          24910            138          25029
            148          24951            141          24852            145
          24916            144          25076            145          25007
            144          24979            143          25170            138
          25000            147          24962            143          24980
          -2229          24967          -2222          25040            147
          25078            147          25019            144          24984
          -1996          25026            143          25004            145
          25007          -2051          25113            145          25070
            146          25032            142          24919            137
          24910            140          25108            136          24976
            144          24836            142          24798            137
          24839            140          24806            144          24864
            142          24981            144          24870            148
          24914            147          24978            147          25046
            144          25099            141          24928            138
          24913            140          24945            140          24990
            136          25100            143          25013            140
          25006            146          24953            146          24940
            139          24985            140          25050            142
          24952            142          24907            143          24985
            141          24979            141          24985            140
          25023            146          25115            146          25067
            145          24998            143          25044            145
          24941            139          24939            144          25009
            146          25037            145          25031            141
          24971            141          24979            147          25096
            134          25026            140          25052            135
          25039            140          24908            139          24899
            142          24960            135          25075            143
          25005            133          24939            140          24916
            137          24916            139          24896            140
          24997            143          25014            142          24898
            141          24960            136          24982            145
          25017            141          24983            149          24891
            146          24900            137          24931            146
          25009            141          25061            141          24987
            140          25031            145          25009            140
          24886            138          24922            141          24936
            143          24861            147          24828            147
          24862            143          24888            146          24889
            145          24901            140          24949            146
          24939            138          24952            142          25002
            140          24982            141          24941            136
          24900            145          24827            136          24871
            140          24996            145          25239            148
          25192            133          25014            148          25042
            146          24985            137          25008            144
          24969            147          24938            141          24997
            144          24982            145          24959            139
          24902            151          24971            144          24999
            143          25036            144          25014            141
          24909            149          24921            146          24962

type = integer-attribute
name = TAXIS_NUMS
count = 8
 210 0 77002 -999 -999
 -999 -999 -999

type  = float-attribute
name  = TAXIS_FLOATS
count = 8
              0            3.5              0              0              0
        -999999        -999999        -999999

type = integer-attribute
name = DATASET_RANK
count = 8
 3 210 0 0 0
 0 0 0

type = integer-attribute
name = DATASET_DIMENSIONS
count = 5
 64 64 26 0 0

type = integer-attribute
name = BRICK_TYPES
count = 210
 1 1 1 1 1
 1 1 1 1 1
 1 1 1 1 1
 1 1 1 1 1
 1 1 1 1 1
 1 1 1 1 1
 1 1 1 1 1
 1 1 1 1 1
 1 1 1 1 1
 1 1 1 1 1
 1 1 1 1 1
 1 1 1 1 1
 1 1 1 1 1
 1 1 1 1 1
 1 1 1 1 1
 1 1 1 1 1
 1 1 1 1 1
 1 1 1 1 1
 1 1 1 1 1
 1 1 1 1 1
 1 1 1 1 1
 1 1 1 1 1
 1 1 1 1 1
 1 1 1 1 1
 1 1 1 1 1
 1 1 1 1 1
 1 1 1 1 1
 1 1 1 1 1
 1 1 1 1 1
 1 1 1 1 1
 1 1 1 1 1
 1 1 1 1 1
 1 1 1 1 1
 1 1 1 1 1
 1 1 1 1 1
 1 1 1 1 1
 1 1 1 1 1
 1 1 1 1 1
 1 1 1 1 1
 1 1 1 1 1
 1 1 1 1 1
 1 1 1 1 1

type  = float-attribute
name  = BRICK_FLOAT_FACS
count = 210
              0              0              0              0              0
              0              0              0              0              0
              0              0              0              0              0
              0              0              0              0              0
              0              0              0              0              0
              0              0              0              0              0
              0              0              0              0              0
              0              0              0              0              0
              0              0              0              0              0
              0              0              0              0              0
              0              0              0              0              0
              0              0              0              0              0
              0              0              0              0              0
              0              0              0              0              0
              0              0              0              0              0
              0              0              0              0              0
              0              0              0              0              0
              0              0              0              0              0
              0              0              0              0              0
              0              0              0              0              0
              0              0              0              0              0
              0              0              0              0              0
              0              0              0              0              0
              0              0              0              0              0
              0              0              0              0              0
              0              0              0              0              0
              0              0              0              0              0
              0              0              0              0              0
              0              0              0              0              0
              0              0              0              0              0
              0              0              0              0              0
              0              0              0              0              0
              0              0              0              0              0
              0              0              0              0              0
              0              0              0              0              0
              0              0              0              0              0
              0              0              0              0              0
              0              0              0              0              0
              0              0              0              0              0
              0              0              0              0              0
              0              0              0              0              0
              0              0              0              0              0

type = string-attribute
name = BRICK_LABS
count = 948
'#4~#5~#6~#7~#8~#9~#10~#11~#12~#13~#14~#15~#16~#17~#18~#19~#20~#21~#22~#23~#24~#25~#26~#27~#28~#29~#30~#31~#32~#33~#34~#35~#36~#37~#38~#39~#40~#41~#42~#43~#44~#45~#46~#47~#48~#49~#50~#51~#52~#53~#54~#55~#56~#57~#58~#59~#60~#61~#62~#63~#64~#65~#66~#67~#68~#69~#70~#71~#72~#73~#74~#75~#76~#77~#78~#79~#80~#81~#82~#83~#84~#85~#86~#87~#88~#89~#90~#91~#92~#93~#94~#95~#96~#97~#98~#99~#100~#101~#102~#103~#104~#105~#106~#107~#108~#109~#110~#111~#112~#113~#114~#115~#116~#117~#118~#119~#120~#121~#122~#123~#124~#125~#126~#127~#128~#129~#130~#131~#132~#133~#134~#135~#136~#137~#138~#139~#140~#141~#142~#143~#144~#145~#146~#147~#148~#149~#150~#151~#152~#153~#154~#155~#156~#157~#158~#159~#160~#161~#162~#163~#164~#165~#166~#167~#168~#169~#170~#171~#172~#173~#174~#175~#176~#177~#178~#179~#180~#181~#182~#183~#184~#185~#186~#187~#188~#189~#190~#191~#192~#193~#194~#195~#196~#197~#198~#199~#200~#201~#202~#203~#204~#205~#206~#207~#208~#209~#210~#211~#212~#213~

type = string-attribute
name = BRICK_KEYWORDS
count = 210
'~~~~~~~~~~~~~~~~~~~~~~~~~~~~~~~~~~~~~~~~~~~~~~~~~~~~~~~~~~~~~~~~~~~~~~~~~~~~~~~~~~~~~~~~~~~~~~~~~~~~~~~~~~~~~~~~~~~~~~~~~~~~~~~~~~~~~~~~~~~~~~~~~~~~~~~~~~~~~~~~~~~~~~~~~~~~~~~~~~~~~~~~~~~~~~~~~~~~~~~~~~~~~~~~~~

type = string-attribute
name = TEMPLATE_SPACE
count = 5
'ORIG~

type = integer-attribute
name = INT_CMAP
count = 1
 0

type = string-attribute
name = BYTEORDER_STRING
count = 10
'LSB_FIRST~
