
type = string-attribute
name = HISTORY_NOTE
count = 7093
'[tom@careless.convert.slhs.arizona.edu: Thu Mar 10 12:06:20 2011] ===================================\n[tom@careless.convert.slhs.arizona.edu: Thu Mar 10 12:06:20 2011] === History of inputs to 3dcalc ===\n[tom@careless.convert.slhs.arizona.edu: Thu Mar 10 12:06:20 2011] === Input a:\n[tom@careless.convert.slhs.arizona.edu: Thu Mar 10 12:06:20 2011] [tom@careless.convert.slhs.arizona.edu: Thu Mar 10 12:01:34 2011] ===================================\n[tom@careless.convert.slhs.arizona.edu: Thu Mar 10 12:01:34 2011] === History of inputs to 3dcalc ===\n[tom@careless.convert.slhs.arizona.edu: Thu Mar 10 12:01:34 2011] === Input a:\n[tom@careless.convert.slhs.arizona.edu: Thu Mar 10 12:01:34 2011] [tom@careless.convert.slhs.arizona.edu: Thu Mar 10 11:50:40 2011] 3dTcat -prefix 01_Tcat/S31_word_tcat '00_Data/S31_word_epan+orig[4..$]'\n[tom@careless.convert.slhs.arizona.edu: Thu Mar 10 11:51:20 2011] 3dAutomask -prefix 00_Data/S31_word_Spiralmask 01_Tcat/S31_word_tcat+orig\n[tom@careless.convert.slhs.arizona.edu: Thu Mar 10 12:01:34 2011] === Input b:\n[tom@careless.convert.slhs.arizona.edu: Thu Mar 10 12:01:34 2011] [tom@careless.convert.slhs.arizona.edu: Thu Mar 10 11:50:40 2011] 3dTcat -prefix 01_Tcat/S31_word_tcat '00_Data/S31_word_epan+orig[4..$]'\n[tom@careless.convert.slhs.arizona.edu: Thu Mar 10 12:01:34 2011] ===================================\n[tom@careless.convert.slhs.arizona.edu: Thu Mar 10 12:01:34 2011] 3dcalc -a 00_Data/S31_word_Spiralmask+orig -b 01_Tcat/S31_word_tcat+orig -expr '(a*b)' -prefix 01_Tcat/S31_word_clean_tcat\n[tom@careless.convert.slhs.arizona.edu: Thu Mar 10 12:05:21 2011] 3dTshift -tzero 0 -rlt+ -quintic -prefix 02_Tshift/S31_word_tshift 00_Data/S31_word_clean_tcat+orig\n[tom@careless.convert.slhs.arizona.edu: Thu Mar 10 12:05:43 2011] 3dvolreg -verbose -zpad 1 -base '02_Tshift/S31_word_tshift+orig[100]' -1Dfile 03_VolReg/dfile_S31_word_1D -prefix 03_VolReg/S31_word_volreg -cubic 02_Tshift/S31_word_tshift+orig\n[tom@careless.convert.slhs.arizona.edu: Thu Mar 10 12:06:02 2011] 3dmerge -1blur_fwhm 6.0 -doall -prefix 04_Merge/S31_word_blur 03_VolReg/S31_word_volreg+orig\n[tom@careless.convert.slhs.arizona.edu: Thu Mar 10 12:06:20 2011] === Input b:\n[tom@careless.convert.slhs.arizona.edu: Thu Mar 10 12:06:20 2011] [tom@careless.convert.slhs.arizona.edu: Thu Mar 10 12:01:34 2011] ===================================\n[tom@careless.convert.slhs.arizona.edu: Thu Mar 10 12:01:34 2011] === History of inputs to 3dcalc ===\n[tom@careless.convert.slhs.arizona.edu: Thu Mar 10 12:01:34 2011] === Input a:\n[tom@careless.convert.slhs.arizona.edu: Thu Mar 10 12:01:34 2011] [tom@careless.convert.slhs.arizona.edu: Thu Mar 10 11:50:40 2011] 3dTcat -prefix 01_Tcat/S31_word_tcat '00_Data/S31_word_epan+orig[4..$]'\n[tom@careless.convert.slhs.arizona.edu: Thu Mar 10 11:51:20 2011] 3dAutomask -prefix 00_Data/S31_word_Spiralmask 01_Tcat/S31_word_tcat+orig\n[tom@careless.convert.slhs.arizona.edu: Thu Mar 10 12:01:34 2011] === Input b:\n[tom@careless.convert.slhs.arizona.edu: Thu Mar 10 12:01:34 2011] [tom@careless.convert.slhs.arizona.edu: Thu Mar 10 11:50:40 2011] 3dTcat -prefix 01_Tcat/S31_word_tcat '00_Data/S31_word_epan+orig[4..$]'\n[tom@careless.convert.slhs.arizona.edu: Thu Mar 10 12:01:34 2011] ===================================\n[tom@careless.convert.slhs.arizona.edu: Thu Mar 10 12:01:34 2011] 3dcalc -a 00_Data/S31_word_Spiralmask+orig -b 01_Tcat/S31_word_tcat+orig -expr '(a*b)' -prefix 01_Tcat/S31_word_clean_tcat\n[tom@careless.convert.slhs.arizona.edu: Thu Mar 10 12:05:21 2011] 3dTshift -tzero 0 -rlt+ -quintic -prefix 02_Tshift/S31_word_tshift 00_Data/S31_word_clean_tcat+orig\n[tom@careless.convert.slhs.arizona.edu: Thu Mar 10 12:05:43 2011] 3dvolreg -verbose -zpad 1 -base '02_Tshift/S31_word_tshift+orig[100]' -1Dfile 03_VolReg/dfile_S31_word_1D -prefix 03_VolReg/S31_word_volreg -cubic 02_Tshift/S31_word_tshift+orig\n[tom@careless.convert.slhs.arizona.edu: Thu Mar 10 12:06:02 2011] 3dmerge -1blur_fwhm 6.0 -doall -prefix 04_Merge/S31_word_blur 03_VolReg/S31_word_volreg+orig\n[tom@careless.convert.slhs.arizona.edu: Thu Mar 10 12:06:20 2011] 3dTstat -prefix 06_Norm/S31_word_mean 04_Merge/S31_word_blur+orig\n[tom@careless.convert.slhs.arizona.edu: Thu Mar 10 12:06:20 2011] === Input c:\n[tom@careless.convert.slhs.arizona.edu: Thu Mar 10 12:06:20 2011] [tom@careless.convert.slhs.arizona.edu: Thu Mar 10 12:01:34 2011] ===================================\n[tom@careless.convert.slhs.arizona.edu: Thu Mar 10 12:01:34 2011] === History of inputs to 3dcalc ===\n[tom@careless.convert.slhs.arizona.edu: Thu Mar 10 12:01:34 2011] === Input a:\n[tom@careless.convert.slhs.arizona.edu: Thu Mar 10 12:01:34 2011] [tom@careless.convert.slhs.arizona.edu: Thu Mar 10 11:50:40 2011] 3dTcat -prefix 01_Tcat/S31_word_tcat '00_Data/S31_word_epan+orig[4..$]'\n[tom@careless.convert.slhs.arizona.edu: Thu Mar 10 11:51:20 2011] 3dAutomask -prefix 00_Data/S31_word_Spiralmask 01_Tcat/S31_word_tcat+orig\n[tom@careless.convert.slhs.arizona.edu: Thu Mar 10 12:01:34 2011] === Input b:\n[tom@careless.convert.slhs.arizona.edu: Thu Mar 10 12:01:34 2011] [tom@careless.convert.slhs.arizona.edu: Thu Mar 10 11:50:40 2011] 3dTcat -prefix 01_Tcat/S31_word_tcat '00_Data/S31_word_epan+orig[4..$]'\n[tom@careless.convert.slhs.arizona.edu: Thu Mar 10 12:01:34 2011] ===================================\n[tom@careless.convert.slhs.arizona.edu: Thu Mar 10 12:01:34 2011] 3dcalc -a 00_Data/S31_word_Spiralmask+orig -b 01_Tcat/S31_word_tcat+orig -expr '(a*b)' -prefix 01_Tcat/S31_word_clean_tcat\n[tom@careless.convert.slhs.arizona.edu: Thu Mar 10 12:05:21 2011] 3dTshift -tzero 0 -rlt+ -quintic -prefix 02_Tshift/S31_word_tshift 00_Data/S31_word_clean_tcat+orig\n[tom@careless.convert.slhs.arizona.edu: Thu Mar 10 12:05:43 2011] 3dvolreg -verbose -zpad 1 -base '02_Tshift/S31_word_tshift+orig[100]' -1Dfile 03_VolReg/dfile_S31_word_1D -prefix 03_VolReg/S31_word_volreg -cubic 02_Tshift/S31_word_tshift+orig\n[tom@careless.convert.slhs.arizona.edu: Thu Mar 10 12:06:02 2011] 3dmerge -1blur_fwhm 6.0 -doall -prefix 04_Merge/S31_word_blur 03_VolReg/S31_word_volreg+orig\n[tom@careless.convert.slhs.arizona.edu: Thu Mar 10 12:06:15 2011] 3dAutomask -prefix 05_Automask/S31_word_automask 04_Merge/S31_word_blur+orig\n[tom@careless.convert.slhs.arizona.edu: Thu Mar 10 12:06:20 2011] ===================================\n[tom@careless.convert.slhs.arizona.edu: Thu Mar 10 12:06:20 2011] 3dcalc -a 04_Merge/S31_word_blur+orig -b 06_Norm/S31_word_mean+orig -c 05_Automask/S31_word_automask+orig -expr 'c * min(200, a/b*100)' -prefix 06_Norm/S31_word_norm\n[kylealmryde@mbb-techs-power-mac-g5.local: Fri Apr 29 15:23:22 2011] adwarp.c -apar S31_spgr+tlrc -dpar S31_word_norm+orig -dxyz 3\n[kylealmryde@mbb-techs-power-mac-g5.local: Fri Apr 29 16:23:36 2011] 3dDeconvolve -input S31_word_norm+tlrc -polort A -num_stimts 2 -stim_file 1 Seed_ts.1D -stim_label 1 Seed -stim_file 2 inter_ts.1D -stim_label 2 word_con -rout -bucket corr_S31_word_con\n[kylealmryde@mbb-techs-power-mac-g5.local: Fri Apr 29 16:23:36 2011] Output prefix: corr_S31_word_con~

type = string-attribute
name = TYPESTRING
count = 15
'3DIM_HEAD_FUNC~

type = string-attribute
name = IDCODE_STRING
count = 27
'XYZ_eUiuC3dSOEOAa3GoXYxwEQ~

type = string-attribute
name = IDCODE_DATE
count = 25
'Fri Apr 29 16:23:36 2011~

type = integer-attribute
name = SCENE_DATA
count = 8
 2 11 1 -999 -999
 -999 -999 -999

type = string-attribute
name = LABEL_1
count = 5
'zyxt~

type = string-attribute
name = LABEL_2
count = 5
'zyxt~

type = string-attribute
name = DATASET_NAME
count = 5
'zyxt~

type = integer-attribute
name = ORIENT_SPECIFIC
count = 3
 0 3 4

type  = float-attribute
name  = ORIGIN
count = 3
          -79.5          -79.5          -63.5

type  = float-attribute
name  = DELTA
count = 3
              3              3              3

type  = float-attribute
name  = IJK_TO_DICOM
count = 12
              3              0              0          -79.5              0
              3              0          -79.5              0              0
              3          -63.5

type  = float-attribute
name  = IJK_TO_DICOM_REAL
count = 12
              3              0              0          -79.5              0
              3              0          -79.5              0              0
              3          -63.5

type  = float-attribute
name  = BRICK_STATS
count = 12
              0      0.1711361              0       20.85353  -0.0008792275
    0.001367265              0     0.07477339     -0.1513087      0.1290791
              0     0.08689216

type = integer-attribute
name = DATASET_RANK
count = 8
 3 6 0 0 0
 0 0 0

type = integer-attribute
name = DATASET_DIMENSIONS
count = 5
 54 64 50 0 0

type = integer-attribute
name = BRICK_TYPES
count = 6
 1 1 1 1 1
 1

type  = float-attribute
name  = BRICK_FLOAT_FACS
count = 6
   5.222817e-06   0.0006364188    4.17269e-08   2.281972e-06   4.617717e-06
   2.651819e-06

type = string-attribute
name = BRICK_LABS
count = 70
'Full_R^2~Full_Fstat~Seed#0_Coef~Seed_R^2~word_con#0_Coef~word_con_R^2~

type  = float-attribute
name  = BRICK_STATAUX
count = 20
              0              7              2              1            101
              1              4              2              2            202
              3              7              2            0.5            101
              5              7              2            0.5            101

type = string-attribute
name = BRICK_STATSYM
count = 63
'Beta(1,101);Ftest(2,202);none;Beta(0.5,101);none;Beta(0.5,101)~

type  = float-attribute
name  = FDRCURVE_000000
count = 103
   5.222817e-06    0.001643516      0.2860646      0.3483172       0.413227
      0.4744301      0.5322773      0.5870908      0.6383803      0.6823282
      0.7264564      0.7654923       0.803387      0.8389416      0.8723027
      0.9023405      0.9282033      0.9515637      0.9739478       1.000617
        1.02465       1.050266       1.078366       1.105053       1.131731
       1.159078       1.187223         1.2098       1.234099       1.256545
       1.282459       1.317163        1.34711       1.384449       1.419756
       1.458418       1.496726        1.53945       1.576055       1.606108
       1.640729       1.683383       1.727269       1.758703       1.797547
       1.834664       1.870549       1.897408       1.927109       1.946534
       1.964708       1.987663       2.015481        2.02828        2.05046
       2.058431       2.091239       2.113017       2.129298       2.151855
       2.179067       2.226201       2.235153       2.275222       2.294037
       2.301836       2.320982       2.340367       2.369983       2.386924
       2.400651       2.416302       2.437889        2.47877       2.529922
       2.561354       2.573539       2.586267       2.599349        2.61153
       2.663192       2.717201       2.771209       2.825218       2.879227
       2.933236       2.987245       3.041254       3.079891       3.117475
       3.155058       3.192312       3.229322       3.266333       3.303344
       3.338763       3.364192       3.389622       3.415051        3.44048
        3.46591       3.491339       3.604528

type  = float-attribute
name  = FDRCURVE_000001
count = 103
   0.0006364188      0.1986454      0.2871579      0.3628851      0.4385697
      0.5086341       0.574758      0.6358242      0.6875411      0.7389138
      0.7829522      0.8251181      0.8642035       0.899124      0.9294739
       0.956515      0.9829086         1.0107       1.038455       1.070123
       1.101071       1.129844       1.161209       1.188118       1.216603
        1.24372       1.268011        1.29999       1.335189       1.374147
       1.412354       1.450399       1.493454       1.537919       1.576578
       1.610431       1.648661       1.693061        1.73619       1.771311
       1.809997       1.846747       1.875994       1.914779       1.941872
       1.952024       1.978053       2.002783        2.02325       2.033956
       2.054258       2.061102       2.101942       2.121357       2.141055
       2.157631       2.200531       2.235632       2.246574       2.283604
       2.295232       2.309215       2.323886       2.345883       2.375217
       2.409328       2.409328        2.41669       2.434721        2.47108
       2.518714       2.561622       2.568114       2.580647       2.593422
       2.604426       2.625731       2.674284       2.722837        2.77139
       2.819943       2.868496       2.917049       2.965602       3.014155
       3.057063       3.090129       3.123196       3.156263       3.188789
       3.220864       3.252939       3.285014       3.317089        3.34465
        3.36605       3.387449       3.408849       3.430248       3.451647
       3.473046       3.494446       3.604835

type  = float-attribute
name  = FDRCURVE_000003
count = 103
   2.281972e-06   0.0001783361     0.02144337     0.06670953     0.09122066
      0.1083335      0.1241478       0.139438       0.151055      0.1652754
      0.1748432      0.1856599      0.1959182      0.2058056      0.2149484
      0.2216387       0.230883      0.2400222      0.2464071      0.2540104
      0.2604102      0.2666896      0.2721989      0.2787509      0.2839608
      0.2894501      0.2954155      0.3014281      0.3047326      0.3103764
      0.3154312      0.3201408      0.3257842      0.3300368       0.333325
      0.3372892      0.3417891      0.3454818      0.3480768      0.3512536
      0.3550579      0.3567604      0.3601921      0.3623027      0.3654613
       0.368189      0.3700149      0.3721528      0.3751431      0.3783483
      0.3801935       0.381875      0.3819422       0.382364      0.3830839
      0.3831803      0.3841561      0.3855966      0.3856341      0.3881865
      0.3915528      0.3947646      0.3954897      0.3955041      0.3955185
      0.3955329      0.3955474      0.3955618      0.3955762      0.3955906
       0.395605       0.395605      0.3957799      0.3957906      0.3958013
       0.395812      0.3958227      0.3958335      0.3958442      0.3958549
      0.3958577      0.3958577      0.3958577      0.3958577      0.3958577
      0.3958577      0.3958577      0.3958577      0.3958577      0.3958577
      0.3958577      0.3958577      0.3958577      0.3958577      0.3958577
      0.3958577      0.3958577      0.3958577      0.3958577      0.3958577
      0.3958577      0.3958577      0.3958577

type  = float-attribute
name  = FDRCURVE_000005
count = 103
   2.651819e-06    0.000868895     0.02311587     0.06303494     0.08083621
     0.08984048     0.09856056      0.1040872      0.1054769      0.1055228
      0.1101824      0.1140493      0.1140567      0.1140641      0.1140715
      0.1140789      0.1140831      0.1140831      0.1140831      0.1140831
      0.1140831      0.1140831      0.1140831      0.1140831      0.1140831
      0.1140831      0.1140831      0.1140831      0.1140831      0.1140831
      0.1140831      0.1140831      0.1140831      0.1140831      0.1140831
      0.1140831      0.1140831      0.1140831      0.1140831      0.1140831
      0.1140831      0.1140831      0.1140831      0.1140831      0.1140831
      0.1140831      0.1140831      0.1140831      0.1140831      0.1140831
      0.1140831      0.1140831      0.1140831      0.1140831      0.1140831
      0.1140831      0.1140831      0.1140831      0.1140831      0.1140831
      0.1140831      0.1140831      0.1140831      0.1140831      0.1140831
      0.1140831      0.1140831      0.1140831      0.1140831      0.1140831
      0.1140831      0.1140831      0.1140831      0.1140831      0.1140831
      0.1140831      0.1140831      0.1140831      0.1140831      0.1140831
      0.1140831      0.1140831      0.1140831      0.1140831      0.4488828
      0.4538876      0.4588923      0.4638971      0.4689019      0.4739067
      0.4789114      0.4839162       0.488921      0.4939258      0.4989306
      0.5039354      0.5089402      0.5139449      0.5189497      0.5239545
      0.5289593      0.5339641      0.5362195

type  = float-attribute
name  = MDFCURVE_000000
count = 31
      -5.662709      0.2022314      0.9990812      0.9988322      0.9985578
       0.997828      0.9970833      0.9958463      0.9943994      0.9928821
      0.9902926      0.9859973      0.9804271      0.9728165      0.9643949
       0.955447      0.9441847      0.9279646      0.9103576      0.8859361
      0.8510727      0.7976233      0.7266054      0.6371244      0.5128267
      0.3478811      0.1747477     0.03195867   5.919143e-09   5.919143e-09
              0

type  = float-attribute
name  = MDFCURVE_000001
count = 31
      -5.662675      0.2022285      0.9990814      0.9988326      0.9985581
      0.9978287      0.9970843      0.9958476      0.9944006      0.9928841
      0.9902948      0.9859974      0.9804329      0.9728257      0.9644065
      0.9554606      0.9442031      0.9279851      0.9103874      0.8859633
      0.8511022      0.7976909      0.7266117      0.6371473      0.5131848
      0.3479423      0.1748889     0.03190574   1.083544e-08   1.083544e-08
              0

type = string-attribute
name = BYTEORDER_STRING
count = 10
'MSB_FIRST~
