
type = string-attribute
name = HISTORY_NOTE
count = 271
'[kylealmryde@hagar.local: Mon Jun 20 17:02:14 2011] 3dTcat -prefix S46_word_tcat '/Volumes/Data/Stroop/S46/run_word/S46_word_epan+orig[4..$]'\n[kylealmryde@hagar.local: Mon Jun 20 17:02:16 2011] 3dTshift -tzero 0 -rlt+ -quintic -prefix S46_word_tshift S46_word_tcat+orig~

type = string-attribute
name = TYPESTRING
count = 15
'3DIM_HEAD_ANAT~

type = string-attribute
name = IDCODE_STRING
count = 27
'XYZ_HzzYLNllWOQ7_aGHP-IQaQ~

type = string-attribute
name = IDCODE_DATE
count = 25
'Mon Jun 20 17:02:16 2011~

type = integer-attribute
name = SCENE_DATA
count = 8
 0 2 0 -999 -999
 -999 -999 -999

type = string-attribute
name = LABEL_1
count = 16
'S46_word_tshift~

type = string-attribute
name = LABEL_2
count = 5
'zyxt~

type = string-attribute
name = DATASET_NAME
count = 5
'zyxt~

type = integer-attribute
name = ORIENT_SPECIFIC
count = 3
 0 3 4

type  = float-attribute
name  = ORIGIN
count = 3
       -118.125       -118.125          -62.5

type  = float-attribute
name  = DELTA
count = 3
           3.75           3.75              5

type  = float-attribute
name  = IJK_TO_DICOM
count = 12
           3.75              0              0       -118.125              0
           3.75              0       -118.125              0              0
              5          -62.5

type  = float-attribute
name  = IJK_TO_DICOM_REAL
count = 12
           3.75              0              0       -118.125              0
           3.75              0       -118.125              0              0
              5          -62.5

type  = float-attribute
name  = BRICK_STATS
count = 420
         -32767          29701         -32767          29785         -32767
          29877         -32767          29736         -32767          29802
         -32767          30320         -32767          30006         -32767
          29833         -32767          29832         -32767          29755
         -32767          29816         -32767          29817         -32767
          29730         -32767          29978         -32767          30053
         -32767          29852         -32767          29883         -32767
          29859         -32767          29892         -32767          29839
         -32767          29861         -32767          29920         -32767
          29855         -32767          29795         -32767          30072
         -32767          30035         -32767          29871         -32767
          29897         -32767          29749         -32767          29624
         -32767          29722         -32767          29629         -32767
          29629         -32767          29878         -32767          29694
         -32767          29541         -32767          29641         -32767
          29776         -32767          29966         -32767          30157
         -32767          29739         -32767          29536         -32767
          29862         -32767          30082         -32767          29992
         -32767          29764         -32767          29865         -32767
          30085         -32767          30146         -32767          30086
         -32767          30014         -32767          30002         -32767
          30018         -32767          29972         -32767          29973
         -32767          29660         -32767          29485         -32767
          29733         -32767          29459         -32767          29849
         -32767          30251         -32767          30075         -32767
          29703         -32767          29988         -32767          30261
         -32767          30401         -32767          30652         -32767
          31178         -32767          31494         -32767          31510
         -32767          31846         -32767          32008         -32767
          32161         -32767          32277         -32767          32215
         -32767          32359         -32767          32550         -32767
          32745         -32767          32767         -32767          32767
         -32767          32767         -32767          32767         -32767
          32767         -32767          32767         -32767          32767
         -32767          32767         -32767          32767         -32767
          32767         -32767          32767         -32767          32767
         -32767          32767         -32767          32767         -32767
          32767         -32767          32767         -32767          32767
         -32767          32767         -32767          32767         -32767
          32767         -32767          32767         -32767          32767
         -32767          32767         -32767          32767         -32767
          32767         -32767          32767         -32767          32767
         -32767          32767         -32767          32767         -32767
          32767         -32767          32767         -32767          32767
         -32767          32767         -32767          29405         -32767
          29782         -32767          32767         -32767          32767
         -32767          32767         -32767          32767         -32767
          32767         -32767          32767         -32767          32767
         -32767          32767         -32767          32767         -32767
          32767         -32767          32767         -32767          32767
         -32767          32767         -32767          32767         -32767
          32767         -32767          32767         -32767          32767
         -32767          32767         -32767          32767         -32767
          32767         -32767          32767         -32767          32767
         -32767          32767         -32767          32767         -32767
          32767         -32767          31011         -32767          30936
         -32767          32767         -32767          32767         -32767
          31642         -32767          31905         -32767          32767
         -32767          32767         -32767          32767         -32767
          32767         -32767          32767         -32767          32767
         -32767          32767         -32767          32767         -32767
          32767         -32767          32767         -32767          32767
         -32767          32404         -32767          32456         -32767
          32767         -32767          32767         -32767          32767
         -32767          32720         -32767          32767         -32767
          32767         -32767          32767         -32767          32767
         -32767          32767         -32767          32767         -32767
          32767         -32767          32767         -32767          32767
         -32767          32767         -32767          32767         -32767
          32767         -32767          32767         -32767          32767
         -32767          32767         -32767          32767         -32767
          32767         -32767          32767         -32767          32767
         -32767          32767         -32767          32767         -32767
          32767         -32767          32767         -32767          32767
         -32767          32767         -32767          32767         -32767
          32767         -32767          32767         -32767          32767
         -32767          32767         -32767          32767         -32767
          32767         -32767          32767         -32767          32767
         -32767          32767         -32767          32767         -32767
          32767         -32767          32767         -32767          32767
         -32767          29635         -32767          29583         -32767
          29562         -32767          29773         -32767          31399
         -32767          32767         -32767          30565         -32767
          30596         -32767          30627         -32767          31341

type = integer-attribute
name = TAXIS_NUMS
count = 8
 210 0 77002 -999 -999
 -999 -999 -999

type  = float-attribute
name  = TAXIS_FLOATS
count = 8
              0            3.5              0          -62.5              5
        -999999        -999999        -999999

type = integer-attribute
name = DATASET_RANK
count = 8
 3 210 0 0 0
 0 0 0

type = integer-attribute
name = DATASET_DIMENSIONS
count = 5
 64 64 26 0 0

type = integer-attribute
name = BRICK_TYPES
count = 210
 1 1 1 1 1
 1 1 1 1 1
 1 1 1 1 1
 1 1 1 1 1
 1 1 1 1 1
 1 1 1 1 1
 1 1 1 1 1
 1 1 1 1 1
 1 1 1 1 1
 1 1 1 1 1
 1 1 1 1 1
 1 1 1 1 1
 1 1 1 1 1
 1 1 1 1 1
 1 1 1 1 1
 1 1 1 1 1
 1 1 1 1 1
 1 1 1 1 1
 1 1 1 1 1
 1 1 1 1 1
 1 1 1 1 1
 1 1 1 1 1
 1 1 1 1 1
 1 1 1 1 1
 1 1 1 1 1
 1 1 1 1 1
 1 1 1 1 1
 1 1 1 1 1
 1 1 1 1 1
 1 1 1 1 1
 1 1 1 1 1
 1 1 1 1 1
 1 1 1 1 1
 1 1 1 1 1
 1 1 1 1 1
 1 1 1 1 1
 1 1 1 1 1
 1 1 1 1 1
 1 1 1 1 1
 1 1 1 1 1
 1 1 1 1 1
 1 1 1 1 1

type  = float-attribute
name  = BRICK_FLOAT_FACS
count = 210
              0              0              0              0              0
              0              0              0              0              0
              0              0              0              0              0
              0              0              0              0              0
              0              0              0              0              0
              0              0              0              0              0
              0              0              0              0              0
              0              0              0              0              0
              0              0              0              0              0
              0              0              0              0              0
              0              0              0              0              0
              0              0              0              0              0
              0              0              0              0              0
              0              0              0              0              0
              0              0              0              0              0
              0              0              0              0              0
              0              0              0              0              0
              0              0              0              0              0
              0              0              0              0              0
              0              0              0              0              0
              0              0              0              0              0
              0              0              0              0              0
              0              0              0              0              0
              0              0              0              0              0
              0              0              0              0              0
              0              0              0              0              0
              0              0              0              0              0
              0              0              0              0              0
              0              0              0              0              0
              0              0              0              0              0
              0              0              0              0              0
              0              0              0              0              0
              0              0              0              0              0
              0              0              0              0              0
              0              0              0              0              0
              0              0              0              0              0
              0              0              0              0              0
              0              0              0              0              0
              0              0              0              0              0
              0              0              0              0              0
              0              0              0              0              0
              0              0              0              0              0

type = string-attribute
name = BRICK_LABS
count = 948
'#4~#5~#6~#7~#8~#9~#10~#11~#12~#13~#14~#15~#16~#17~#18~#19~#20~#21~#22~#23~#24~#25~#26~#27~#28~#29~#30~#31~#32~#33~#34~#35~#36~#37~#38~#39~#40~#41~#42~#43~#44~#45~#46~#47~#48~#49~#50~#51~#52~#53~#54~#55~#56~#57~#58~#59~#60~#61~#62~#63~#64~#65~#66~#67~#68~#69~#70~#71~#72~#73~#74~#75~#76~#77~#78~#79~#80~#81~#82~#83~#84~#85~#86~#87~#88~#89~#90~#91~#92~#93~#94~#95~#96~#97~#98~#99~#100~#101~#102~#103~#104~#105~#106~#107~#108~#109~#110~#111~#112~#113~#114~#115~#116~#117~#118~#119~#120~#121~#122~#123~#124~#125~#126~#127~#128~#129~#130~#131~#132~#133~#134~#135~#136~#137~#138~#139~#140~#141~#142~#143~#144~#145~#146~#147~#148~#149~#150~#151~#152~#153~#154~#155~#156~#157~#158~#159~#160~#161~#162~#163~#164~#165~#166~#167~#168~#169~#170~#171~#172~#173~#174~#175~#176~#177~#178~#179~#180~#181~#182~#183~#184~#185~#186~#187~#188~#189~#190~#191~#192~#193~#194~#195~#196~#197~#198~#199~#200~#201~#202~#203~#204~#205~#206~#207~#208~#209~#210~#211~#212~#213~

type = string-attribute
name = BRICK_KEYWORDS
count = 210
'~~~~~~~~~~~~~~~~~~~~~~~~~~~~~~~~~~~~~~~~~~~~~~~~~~~~~~~~~~~~~~~~~~~~~~~~~~~~~~~~~~~~~~~~~~~~~~~~~~~~~~~~~~~~~~~~~~~~~~~~~~~~~~~~~~~~~~~~~~~~~~~~~~~~~~~~~~~~~~~~~~~~~~~~~~~~~~~~~~~~~~~~~~~~~~~~~~~~~~~~~~~~~~~~~~

type = string-attribute
name = TEMPLATE_SPACE
count = 5
'ORIG~

type = integer-attribute
name = INT_CMAP
count = 1
 0

type = string-attribute
name = BYTEORDER_STRING
count = 10
'LSB_FIRST~
