
type = string-attribute
name = HISTORY_NOTE
count = 6602
'[tom@careless.convert.slhs.arizona.edu: Thu Mar 10 12:06:20 2011] ===================================\n[tom@careless.convert.slhs.arizona.edu: Thu Mar 10 12:06:20 2011] === History of inputs to 3dcalc ===\n[tom@careless.convert.slhs.arizona.edu: Thu Mar 10 12:06:20 2011] === Input a:\n[tom@careless.convert.slhs.arizona.edu: Thu Mar 10 12:06:20 2011] [tom@careless.convert.slhs.arizona.edu: Thu Mar 10 12:01:34 2011] ===================================\n[tom@careless.convert.slhs.arizona.edu: Thu Mar 10 12:01:34 2011] === History of inputs to 3dcalc ===\n[tom@careless.convert.slhs.arizona.edu: Thu Mar 10 12:01:34 2011] === Input a:\n[tom@careless.convert.slhs.arizona.edu: Thu Mar 10 12:01:34 2011] [tom@careless.convert.slhs.arizona.edu: Thu Mar 10 11:50:40 2011] 3dTcat -prefix 01_Tcat/S31_word_tcat '00_Data/S31_word_epan+orig[4..$]'\n[tom@careless.convert.slhs.arizona.edu: Thu Mar 10 11:51:20 2011] 3dAutomask -prefix 00_Data/S31_word_Spiralmask 01_Tcat/S31_word_tcat+orig\n[tom@careless.convert.slhs.arizona.edu: Thu Mar 10 12:01:34 2011] === Input b:\n[tom@careless.convert.slhs.arizona.edu: Thu Mar 10 12:01:34 2011] [tom@careless.convert.slhs.arizona.edu: Thu Mar 10 11:50:40 2011] 3dTcat -prefix 01_Tcat/S31_word_tcat '00_Data/S31_word_epan+orig[4..$]'\n[tom@careless.convert.slhs.arizona.edu: Thu Mar 10 12:01:34 2011] ===================================\n[tom@careless.convert.slhs.arizona.edu: Thu Mar 10 12:01:34 2011] 3dcalc -a 00_Data/S31_word_Spiralmask+orig -b 01_Tcat/S31_word_tcat+orig -expr '(a*b)' -prefix 01_Tcat/S31_word_clean_tcat\n[tom@careless.convert.slhs.arizona.edu: Thu Mar 10 12:05:21 2011] 3dTshift -tzero 0 -rlt+ -quintic -prefix 02_Tshift/S31_word_tshift 00_Data/S31_word_clean_tcat+orig\n[tom@careless.convert.slhs.arizona.edu: Thu Mar 10 12:05:43 2011] 3dvolreg -verbose -zpad 1 -base '02_Tshift/S31_word_tshift+orig[100]' -1Dfile 03_VolReg/dfile_S31_word_1D -prefix 03_VolReg/S31_word_volreg -cubic 02_Tshift/S31_word_tshift+orig\n[tom@careless.convert.slhs.arizona.edu: Thu Mar 10 12:06:02 2011] 3dmerge -1blur_fwhm 6.0 -doall -prefix 04_Merge/S31_word_blur 03_VolReg/S31_word_volreg+orig\n[tom@careless.convert.slhs.arizona.edu: Thu Mar 10 12:06:20 2011] === Input b:\n[tom@careless.convert.slhs.arizona.edu: Thu Mar 10 12:06:20 2011] [tom@careless.convert.slhs.arizona.edu: Thu Mar 10 12:01:34 2011] ===================================\n[tom@careless.convert.slhs.arizona.edu: Thu Mar 10 12:01:34 2011] === History of inputs to 3dcalc ===\n[tom@careless.convert.slhs.arizona.edu: Thu Mar 10 12:01:34 2011] === Input a:\n[tom@careless.convert.slhs.arizona.edu: Thu Mar 10 12:01:34 2011] [tom@careless.convert.slhs.arizona.edu: Thu Mar 10 11:50:40 2011] 3dTcat -prefix 01_Tcat/S31_word_tcat '00_Data/S31_word_epan+orig[4..$]'\n[tom@careless.convert.slhs.arizona.edu: Thu Mar 10 11:51:20 2011] 3dAutomask -prefix 00_Data/S31_word_Spiralmask 01_Tcat/S31_word_tcat+orig\n[tom@careless.convert.slhs.arizona.edu: Thu Mar 10 12:01:34 2011] === Input b:\n[tom@careless.convert.slhs.arizona.edu: Thu Mar 10 12:01:34 2011] [tom@careless.convert.slhs.arizona.edu: Thu Mar 10 11:50:40 2011] 3dTcat -prefix 01_Tcat/S31_word_tcat '00_Data/S31_word_epan+orig[4..$]'\n[tom@careless.convert.slhs.arizona.edu: Thu Mar 10 12:01:34 2011] ===================================\n[tom@careless.convert.slhs.arizona.edu: Thu Mar 10 12:01:34 2011] 3dcalc -a 00_Data/S31_word_Spiralmask+orig -b 01_Tcat/S31_word_tcat+orig -expr '(a*b)' -prefix 01_Tcat/S31_word_clean_tcat\n[tom@careless.convert.slhs.arizona.edu: Thu Mar 10 12:05:21 2011] 3dTshift -tzero 0 -rlt+ -quintic -prefix 02_Tshift/S31_word_tshift 00_Data/S31_word_clean_tcat+orig\n[tom@careless.convert.slhs.arizona.edu: Thu Mar 10 12:05:43 2011] 3dvolreg -verbose -zpad 1 -base '02_Tshift/S31_word_tshift+orig[100]' -1Dfile 03_VolReg/dfile_S31_word_1D -prefix 03_VolReg/S31_word_volreg -cubic 02_Tshift/S31_word_tshift+orig\n[tom@careless.convert.slhs.arizona.edu: Thu Mar 10 12:06:02 2011] 3dmerge -1blur_fwhm 6.0 -doall -prefix 04_Merge/S31_word_blur 03_VolReg/S31_word_volreg+orig\n[tom@careless.convert.slhs.arizona.edu: Thu Mar 10 12:06:20 2011] 3dTstat -prefix 06_Norm/S31_word_mean 04_Merge/S31_word_blur+orig\n[tom@careless.convert.slhs.arizona.edu: Thu Mar 10 12:06:20 2011] === Input c:\n[tom@careless.convert.slhs.arizona.edu: Thu Mar 10 12:06:20 2011] [tom@careless.convert.slhs.arizona.edu: Thu Mar 10 12:01:34 2011] ===================================\n[tom@careless.convert.slhs.arizona.edu: Thu Mar 10 12:01:34 2011] === History of inputs to 3dcalc ===\n[tom@careless.convert.slhs.arizona.edu: Thu Mar 10 12:01:34 2011] === Input a:\n[tom@careless.convert.slhs.arizona.edu: Thu Mar 10 12:01:34 2011] [tom@careless.convert.slhs.arizona.edu: Thu Mar 10 11:50:40 2011] 3dTcat -prefix 01_Tcat/S31_word_tcat '00_Data/S31_word_epan+orig[4..$]'\n[tom@careless.convert.slhs.arizona.edu: Thu Mar 10 11:51:20 2011] 3dAutomask -prefix 00_Data/S31_word_Spiralmask 01_Tcat/S31_word_tcat+orig\n[tom@careless.convert.slhs.arizona.edu: Thu Mar 10 12:01:34 2011] === Input b:\n[tom@careless.convert.slhs.arizona.edu: Thu Mar 10 12:01:34 2011] [tom@careless.convert.slhs.arizona.edu: Thu Mar 10 11:50:40 2011] 3dTcat -prefix 01_Tcat/S31_word_tcat '00_Data/S31_word_epan+orig[4..$]'\n[tom@careless.convert.slhs.arizona.edu: Thu Mar 10 12:01:34 2011] ===================================\n[tom@careless.convert.slhs.arizona.edu: Thu Mar 10 12:01:34 2011] 3dcalc -a 00_Data/S31_word_Spiralmask+orig -b 01_Tcat/S31_word_tcat+orig -expr '(a*b)' -prefix 01_Tcat/S31_word_clean_tcat\n[tom@careless.convert.slhs.arizona.edu: Thu Mar 10 12:05:21 2011] 3dTshift -tzero 0 -rlt+ -quintic -prefix 02_Tshift/S31_word_tshift 00_Data/S31_word_clean_tcat+orig\n[tom@careless.convert.slhs.arizona.edu: Thu Mar 10 12:05:43 2011] 3dvolreg -verbose -zpad 1 -base '02_Tshift/S31_word_tshift+orig[100]' -1Dfile 03_VolReg/dfile_S31_word_1D -prefix 03_VolReg/S31_word_volreg -cubic 02_Tshift/S31_word_tshift+orig\n[tom@careless.convert.slhs.arizona.edu: Thu Mar 10 12:06:02 2011] 3dmerge -1blur_fwhm 6.0 -doall -prefix 04_Merge/S31_word_blur 03_VolReg/S31_word_volreg+orig\n[tom@careless.convert.slhs.arizona.edu: Thu Mar 10 12:06:15 2011] 3dAutomask -prefix 05_Automask/S31_word_automask 04_Merge/S31_word_blur+orig\n[tom@careless.convert.slhs.arizona.edu: Thu Mar 10 12:06:20 2011] ===================================\n[tom@careless.convert.slhs.arizona.edu: Thu Mar 10 12:06:20 2011] 3dcalc -a 04_Merge/S31_word_blur+orig -b 06_Norm/S31_word_mean+orig -c 05_Automask/S31_word_automask+orig -expr 'c * min(200, a/b*100)' -prefix 06_Norm/S31_word_norm~

type = string-attribute
name = TYPESTRING
count = 15
'3DIM_HEAD_ANAT~

type = string-attribute
name = IDCODE_STRING
count = 27
'XYZ_VhM9gToIWAs28slBJI2JWA~

type = string-attribute
name = IDCODE_DATE
count = 25
'Thu Mar 10 12:06:20 2011~

type = integer-attribute
name = SCENE_DATA
count = 8
 0 2 0 -999 -999
 -999 -999 -999

type = string-attribute
name = LABEL_1
count = 5
'zyxt~

type = string-attribute
name = LABEL_2
count = 5
'zyxt~

type = string-attribute
name = DATASET_NAME
count = 5
'zyxt~

type = integer-attribute
name = ORIENT_SPECIFIC
count = 3
 0 3 4

type  = float-attribute
name  = ORIGIN
count = 3
       -118.125       -118.125          -62.5

type  = float-attribute
name  = DELTA
count = 3
           3.75           3.75              5

type  = float-attribute
name  = IJK_TO_DICOM
count = 12
           3.75              0              0       -118.125              0
           3.75              0       -118.125              0              0
              5          -62.5

type  = float-attribute
name  = IJK_TO_DICOM_REAL
count = 12
           3.75              0              0       -118.125              0
           3.75              0       -118.125              0              0
              5          -62.5

type  = float-attribute
name  = BRICK_STATS
count = 420
              0       106.5711              0       109.1029              0
       112.3699              0       107.3981              0        105.964
              0       106.4098              0       111.3502              0
       110.0153              0       107.5683              0       106.8223
              0       105.8285              0       108.5836              0
       106.4936              0       112.5408              0       105.0837
              0       106.5273              0        104.991              0
       104.6717              0        105.572              0       107.9034
              0       107.4039              0       107.8635              0
       104.1945              0       103.7726              0       113.5028
              0       105.8137              0       105.7239              0
       109.5066              0       104.3697              0       105.8285
              0       113.7542              0       105.5092              0
       105.1485              0       106.4034              0        105.166
              0       109.7907              0        107.675              0
        104.469              0       104.8673              0       104.2931
              0       104.2265              0       105.6488              0
       103.9039              0       111.1366              0       105.1904
              0       105.6299              0       104.7347              0
       114.3818              0       105.7077              0       106.8558
              0       112.1752              0       105.1491              0
       108.0976              0       111.7245              0       110.2238
              0       110.5433              0       105.5842              0
       105.6448              0       113.0115              0       109.1467
              0       110.7894              0       105.6151              0
       116.4943              0       105.4969              0       111.3024
              0       106.5067              0       110.4171              0
       109.8372              0       104.3492              0       112.4532
              0        104.964              0        114.186              0
       105.9724              0       116.0609              0       110.0426
              0       116.0887              0       110.5772              0
       109.9968              0       106.7255              0       118.2176
              0       108.3685              0       107.7242              0
       108.7896              0       111.2235              0       107.8482
              0       121.9847              0       105.2238              0
       104.6934              0       105.1373              0       106.4341
              0       112.8873              0        112.652              0
       104.0347              0       110.4361              0       110.2881
              0       107.6269              0       107.4421              0
       106.2437              0       114.8706              0        116.952
              0       117.4545              0       112.4931              0
       111.1995              0       112.4768              0       111.4759
              0       112.1608              0       112.3402              0
       112.4144              0       112.1089              0       111.1842
              0       111.1256              0       111.1345              0
       111.4651              0       110.8889              0       110.7259
              0       112.1982              0        108.788              0
       109.0838              0       107.7843              0       106.4902
              0       105.6016              0       105.4096              0
       105.9238              0       104.8599              0       114.6529
              0       109.6344              0       105.0093              0
        106.602              0       105.8686              0       111.5103
              0       106.2229              0       107.1762              0
        107.463              0       113.5415              0       105.2811
              0       105.1744              0       110.2685              0
       108.3209              0       106.2101              0       107.3567
              0       110.8859              0       109.2775              0
       108.6377              0       115.7828              0        118.344
              0       107.4833              0       109.0871              0
       110.9486              0       106.7042              0       106.3991
              0       107.1156              0       105.6446              0
       112.5932              0        106.754              0       108.3785
              0       106.4674              0       105.2982              0
       105.0063              0       105.7171              0       109.2092
              0       105.3548              0       110.0566              0
       106.5225              0       108.4999              0       105.3284
              0       106.4511              0        111.729              0
       114.3449              0       104.9608              0       106.3216
              0       106.1747              0       110.8975              0
       105.3549              0       105.3812              0       107.5747
              0         107.15              0       115.9971              0
        106.329              0       106.7287              0       112.1531
              0       107.5033              0       108.4999              0
       111.1994              0       110.4155              0       109.8355
              0       112.3718              0       108.8012              0
         107.02              0       107.3747              0       110.3052
              0       110.3449              0       109.8096              0
       109.8645              0       110.3259              0       117.4261
              0       110.9244              0       109.3638              0
       109.9563              0       110.3234              0       110.0093
              0       118.8959              0       109.0615              0
       112.3858              0       112.7181              0       114.1787
              0        112.592              0       112.8657              0
       112.1019              0       112.1605              0       111.7307

type = integer-attribute
name = TAXIS_NUMS
count = 8
 210 0 77002 -999 -999
 -999 -999 -999

type  = float-attribute
name  = TAXIS_FLOATS
count = 8
              0            3.5              0              0              0
        -999999        -999999        -999999

type = integer-attribute
name = DATASET_RANK
count = 8
 3 210 0 0 0
 0 0 0

type = integer-attribute
name = DATASET_DIMENSIONS
count = 5
 64 64 26 0 0

type = integer-attribute
name = BRICK_TYPES
count = 210
 3 3 3 3 3
 3 3 3 3 3
 3 3 3 3 3
 3 3 3 3 3
 3 3 3 3 3
 3 3 3 3 3
 3 3 3 3 3
 3 3 3 3 3
 3 3 3 3 3
 3 3 3 3 3
 3 3 3 3 3
 3 3 3 3 3
 3 3 3 3 3
 3 3 3 3 3
 3 3 3 3 3
 3 3 3 3 3
 3 3 3 3 3
 3 3 3 3 3
 3 3 3 3 3
 3 3 3 3 3
 3 3 3 3 3
 3 3 3 3 3
 3 3 3 3 3
 3 3 3 3 3
 3 3 3 3 3
 3 3 3 3 3
 3 3 3 3 3
 3 3 3 3 3
 3 3 3 3 3
 3 3 3 3 3
 3 3 3 3 3
 3 3 3 3 3
 3 3 3 3 3
 3 3 3 3 3
 3 3 3 3 3
 3 3 3 3 3
 3 3 3 3 3
 3 3 3 3 3
 3 3 3 3 3
 3 3 3 3 3
 3 3 3 3 3
 3 3 3 3 3

type  = float-attribute
name  = BRICK_FLOAT_FACS
count = 210
              0              0              0              0              0
              0              0              0              0              0
              0              0              0              0              0
              0              0              0              0              0
              0              0              0              0              0
              0              0              0              0              0
              0              0              0              0              0
              0              0              0              0              0
              0              0              0              0              0
              0              0              0              0              0
              0              0              0              0              0
              0              0              0              0              0
              0              0              0              0              0
              0              0              0              0              0
              0              0              0              0              0
              0              0              0              0              0
              0              0              0              0              0
              0              0              0              0              0
              0              0              0              0              0
              0              0              0              0              0
              0              0              0              0              0
              0              0              0              0              0
              0              0              0              0              0
              0              0              0              0              0
              0              0              0              0              0
              0              0              0              0              0
              0              0              0              0              0
              0              0              0              0              0
              0              0              0              0              0
              0              0              0              0              0
              0              0              0              0              0
              0              0              0              0              0
              0              0              0              0              0
              0              0              0              0              0
              0              0              0              0              0
              0              0              0              0              0
              0              0              0              0              0
              0              0              0              0              0
              0              0              0              0              0
              0              0              0              0              0
              0              0              0              0              0
              0              0              0              0              0

type = string-attribute
name = BRICK_LABS
count = 3678
'S31_word_epa[4]~S31_word_epa[5]~S31_word_epa[6]~S31_word_epa[7]~S31_word_epa[8]~S31_word_epa[9]~S31_word_epa[10]~S31_word_epa[11]~S31_word_epa[12]~S31_word_epa[13]~S31_word_epa[14]~S31_word_epa[15]~S31_word_epa[16]~S31_word_epa[17]~S31_word_epa[18]~S31_word_epa[19]~S31_word_epa[20]~S31_word_epa[21]~S31_word_epa[22]~S31_word_epa[23]~S31_word_epa[24]~S31_word_epa[25]~S31_word_epa[26]~S31_word_epa[27]~S31_word_epa[28]~S31_word_epa[29]~S31_word_epa[30]~S31_word_epa[31]~S31_word_epa[32]~S31_word_epa[33]~S31_word_epa[34]~S31_word_epa[35]~S31_word_epa[36]~S31_word_epa[37]~S31_word_epa[38]~S31_word_epa[39]~S31_word_epa[40]~S31_word_epa[41]~S31_word_epa[42]~S31_word_epa[43]~S31_word_epa[44]~S31_word_epa[45]~S31_word_epa[46]~S31_word_epa[47]~S31_word_epa[48]~S31_word_epa[49]~S31_word_epa[50]~S31_word_epa[51]~S31_word_epa[52]~S31_word_epa[53]~S31_word_epa[54]~S31_word_epa[55]~S31_word_epa[56]~S31_word_epa[57]~S31_word_epa[58]~S31_word_epa[59]~S31_word_epa[60]~S31_word_epa[61]~S31_word_epa[62]~S31_word_epa[63]~S31_word_epa[64]~S31_word_epa[65]~S31_word_epa[66]~S31_word_epa[67]~S31_word_epa[68]~S31_word_epa[69]~S31_word_epa[70]~S31_word_epa[71]~S31_word_epa[72]~S31_word_epa[73]~S31_word_epa[74]~S31_word_epa[75]~S31_word_epa[76]~S31_word_epa[77]~S31_word_epa[78]~S31_word_epa[79]~S31_word_epa[80]~S31_word_epa[81]~S31_word_epa[82]~S31_word_epa[83]~S31_word_epa[84]~S31_word_epa[85]~S31_word_epa[86]~S31_word_epa[87]~S31_word_epa[88]~S31_word_epa[89]~S31_word_epa[90]~S31_word_epa[91]~S31_word_epa[92]~S31_word_epa[93]~S31_word_epa[94]~S31_word_epa[95]~S31_word_epa[96]~S31_word_epa[97]~S31_word_epa[98]~S31_word_epa[99]~S31_word_epa[100]~S31_word_epa[101]~S31_word_epa[102]~S31_word_epa[103]~S31_word_epa[104]~S31_word_epa[105]~S31_word_epa[106]~S31_word_epa[107]~S31_word_epa[108]~S31_word_epa[109]~S31_word_epa[110]~S31_word_epa[111]~S31_word_epa[112]~S31_word_epa[113]~S31_word_epa[114]~S31_word_epa[115]~S31_word_epa[116]~S31_word_epa[117]~S31_word_epa[118]~S31_word_epa[119]~S31_word_epa[120]~S31_word_epa[121]~S31_word_epa[122]~S31_word_epa[123]~S31_word_epa[124]~S31_word_epa[125]~S31_word_epa[126]~S31_word_epa[127]~S31_word_epa[128]~S31_word_epa[129]~S31_word_epa[130]~S31_word_epa[131]~S31_word_epa[132]~S31_word_epa[133]~S31_word_epa[134]~S31_word_epa[135]~S31_word_epa[136]~S31_word_epa[137]~S31_word_epa[138]~S31_word_epa[139]~S31_word_epa[140]~S31_word_epa[141]~S31_word_epa[142]~S31_word_epa[143]~S31_word_epa[144]~S31_word_epa[145]~S31_word_epa[146]~S31_word_epa[147]~S31_word_epa[148]~S31_word_epa[149]~S31_word_epa[150]~S31_word_epa[151]~S31_word_epa[152]~S31_word_epa[153]~S31_word_epa[154]~S31_word_epa[155]~S31_word_epa[156]~S31_word_epa[157]~S31_word_epa[158]~S31_word_epa[159]~S31_word_epa[160]~S31_word_epa[161]~S31_word_epa[162]~S31_word_epa[163]~S31_word_epa[164]~S31_word_epa[165]~S31_word_epa[166]~S31_word_epa[167]~S31_word_epa[168]~S31_word_epa[169]~S31_word_epa[170]~S31_word_epa[171]~S31_word_epa[172]~S31_word_epa[173]~S31_word_epa[174]~S31_word_epa[175]~S31_word_epa[176]~S31_word_epa[177]~S31_word_epa[178]~S31_word_epa[179]~S31_word_epa[180]~S31_word_epa[181]~S31_word_epa[182]~S31_word_epa[183]~S31_word_epa[184]~S31_word_epa[185]~S31_word_epa[186]~S31_word_epa[187]~S31_word_epa[188]~S31_word_epa[189]~S31_word_epa[190]~S31_word_epa[191]~S31_word_epa[192]~S31_word_epa[193]~S31_word_epa[194]~S31_word_epa[195]~S31_word_epa[196]~S31_word_epa[197]~S31_word_epa[198]~S31_word_epa[199]~S31_word_epa[200]~S31_word_epa[201]~S31_word_epa[202]~S31_word_epa[203]~S31_word_epa[204]~S31_word_epa[205]~S31_word_epa[206]~S31_word_epa[207]~S31_word_epa[208]~S31_word_epa[209]~S31_word_epa[210]~S31_word_epa[211]~S31_word_epa[212]~S31_word_epa[213]~

type = string-attribute
name = BRICK_KEYWORDS
count = 4938
'S31_word_epan+orig[4]~S31_word_epan+orig[5]~S31_word_epan+orig[6]~S31_word_epan+orig[7]~S31_word_epan+orig[8]~S31_word_epan+orig[9]~S31_word_epan+orig[10]~S31_word_epan+orig[11]~S31_word_epan+orig[12]~S31_word_epan+orig[13]~S31_word_epan+orig[14]~S31_word_epan+orig[15]~S31_word_epan+orig[16]~S31_word_epan+orig[17]~S31_word_epan+orig[18]~S31_word_epan+orig[19]~S31_word_epan+orig[20]~S31_word_epan+orig[21]~S31_word_epan+orig[22]~S31_word_epan+orig[23]~S31_word_epan+orig[24]~S31_word_epan+orig[25]~S31_word_epan+orig[26]~S31_word_epan+orig[27]~S31_word_epan+orig[28]~S31_word_epan+orig[29]~S31_word_epan+orig[30]~S31_word_epan+orig[31]~S31_word_epan+orig[32]~S31_word_epan+orig[33]~S31_word_epan+orig[34]~S31_word_epan+orig[35]~S31_word_epan+orig[36]~S31_word_epan+orig[37]~S31_word_epan+orig[38]~S31_word_epan+orig[39]~S31_word_epan+orig[40]~S31_word_epan+orig[41]~S31_word_epan+orig[42]~S31_word_epan+orig[43]~S31_word_epan+orig[44]~S31_word_epan+orig[45]~S31_word_epan+orig[46]~S31_word_epan+orig[47]~S31_word_epan+orig[48]~S31_word_epan+orig[49]~S31_word_epan+orig[50]~S31_word_epan+orig[51]~S31_word_epan+orig[52]~S31_word_epan+orig[53]~S31_word_epan+orig[54]~S31_word_epan+orig[55]~S31_word_epan+orig[56]~S31_word_epan+orig[57]~S31_word_epan+orig[58]~S31_word_epan+orig[59]~S31_word_epan+orig[60]~S31_word_epan+orig[61]~S31_word_epan+orig[62]~S31_word_epan+orig[63]~S31_word_epan+orig[64]~S31_word_epan+orig[65]~S31_word_epan+orig[66]~S31_word_epan+orig[67]~S31_word_epan+orig[68]~S31_word_epan+orig[69]~S31_word_epan+orig[70]~S31_word_epan+orig[71]~S31_word_epan+orig[72]~S31_word_epan+orig[73]~S31_word_epan+orig[74]~S31_word_epan+orig[75]~S31_word_epan+orig[76]~S31_word_epan+orig[77]~S31_word_epan+orig[78]~S31_word_epan+orig[79]~S31_word_epan+orig[80]~S31_word_epan+orig[81]~S31_word_epan+orig[82]~S31_word_epan+orig[83]~S31_word_epan+orig[84]~S31_word_epan+orig[85]~S31_word_epan+orig[86]~S31_word_epan+orig[87]~S31_word_epan+orig[88]~S31_word_epan+orig[89]~S31_word_epan+orig[90]~S31_word_epan+orig[91]~S31_word_epan+orig[92]~S31_word_epan+orig[93]~S31_word_epan+orig[94]~S31_word_epan+orig[95]~S31_word_epan+orig[96]~S31_word_epan+orig[97]~S31_word_epan+orig[98]~S31_word_epan+orig[99]~S31_word_epan+orig[100]~S31_word_epan+orig[101]~S31_word_epan+orig[102]~S31_word_epan+orig[103]~S31_word_epan+orig[104]~S31_word_epan+orig[105]~S31_word_epan+orig[106]~S31_word_epan+orig[107]~S31_word_epan+orig[108]~S31_word_epan+orig[109]~S31_word_epan+orig[110]~S31_word_epan+orig[111]~S31_word_epan+orig[112]~S31_word_epan+orig[113]~S31_word_epan+orig[114]~S31_word_epan+orig[115]~S31_word_epan+orig[116]~S31_word_epan+orig[117]~S31_word_epan+orig[118]~S31_word_epan+orig[119]~S31_word_epan+orig[120]~S31_word_epan+orig[121]~S31_word_epan+orig[122]~S31_word_epan+orig[123]~S31_word_epan+orig[124]~S31_word_epan+orig[125]~S31_word_epan+orig[126]~S31_word_epan+orig[127]~S31_word_epan+orig[128]~S31_word_epan+orig[129]~S31_word_epan+orig[130]~S31_word_epan+orig[131]~S31_word_epan+orig[132]~S31_word_epan+orig[133]~S31_word_epan+orig[134]~S31_word_epan+orig[135]~S31_word_epan+orig[136]~S31_word_epan+orig[137]~S31_word_epan+orig[138]~S31_word_epan+orig[139]~S31_word_epan+orig[140]~S31_word_epan+orig[141]~S31_word_epan+orig[142]~S31_word_epan+orig[143]~S31_word_epan+orig[144]~S31_word_epan+orig[145]~S31_word_epan+orig[146]~S31_word_epan+orig[147]~S31_word_epan+orig[148]~S31_word_epan+orig[149]~S31_word_epan+orig[150]~S31_word_epan+orig[151]~S31_word_epan+orig[152]~S31_word_epan+orig[153]~S31_word_epan+orig[154]~S31_word_epan+orig[155]~S31_word_epan+orig[156]~S31_word_epan+orig[157]~S31_word_epan+orig[158]~S31_word_epan+orig[159]~S31_word_epan+orig[160]~S31_word_epan+orig[161]~S31_word_epan+orig[162]~S31_word_epan+orig[163]~S31_word_epan+orig[164]~S31_word_epan+orig[165]~S31_word_epan+orig[166]~S31_word_epan+orig[167]~S31_word_epan+orig[168]~S31_word_epan+orig[169]~S31_word_epan+orig[170]~S31_word_epan+orig[171]~S31_word_epan+orig[172]~S31_word_epan+orig[173]~S31_word_epan+orig[174]~S31_word_epan+orig[175]~S31_word_epan+orig[176]~S31_word_epan+orig[177]~S31_word_epan+orig[178]~S31_word_epan+orig[179]~S31_word_epan+orig[180]~S31_word_epan+orig[181]~S31_word_epan+orig[182]~S31_word_epan+orig[183]~S31_word_epan+orig[184]~S31_word_epan+orig[185]~S31_word_epan+orig[186]~S31_word_epan+orig[187]~S31_word_epan+orig[188]~S31_word_epan+orig[189]~S31_word_epan+orig[190]~S31_word_epan+orig[191]~S31_word_epan+orig[192]~S31_word_epan+orig[193]~S31_word_epan+orig[194]~S31_word_epan+orig[195]~S31_word_epan+orig[196]~S31_word_epan+orig[197]~S31_word_epan+orig[198]~S31_word_epan+orig[199]~S31_word_epan+orig[200]~S31_word_epan+orig[201]~S31_word_epan+orig[202]~S31_word_epan+orig[203]~S31_word_epan+orig[204]~S31_word_epan+orig[205]~S31_word_epan+orig[206]~S31_word_epan+orig[207]~S31_word_epan+orig[208]~S31_word_epan+orig[209]~S31_word_epan+orig[210]~S31_word_epan+orig[211]~S31_word_epan+orig[212]~S31_word_epan+orig[213]~

type = string-attribute
name = BYTEORDER_STRING
count = 10
'MSB_FIRST~
