
type = string-attribute
name = HISTORY_NOTE
count = 690
'[kylealmryde@hagar.local: Mon Jun 20 17:02:14 2011] 3dTcat -prefix S46_word_tcat '/Volumes/Data/Stroop/S46/run_word/S46_word_epan+orig[4..$]'\n[kylealmryde@hagar.local: Mon Jun 20 17:02:16 2011] 3dTshift -tzero 0 -rlt+ -quintic -prefix S46_word_tshift S46_word_tcat+orig\n[kylealmryde@hagar.local: Mon Jun 20 17:02:19 2011] 3dvolreg -verbose -zpad 1 -base 'S46_word_tshift+orig[78]' -1Dfile dfile_S46_word.1D -prefix S46_word_volreg -cubic S46_word_tshift+orig\n[kylealmryde@hagar.local: Mon Jun 20 17:02:22 2011] 3dmerge -1blur_fwhm 6.0 -doall -prefix S46_word_blur S46_word_volreg+orig\n[kylealmryde@hagar.local: Mon Jun 20 17:02:23 2011] 3dTstat -prefix S46_word_mean S46_word_blur+orig~

type = string-attribute
name = TYPESTRING
count = 15
'3DIM_HEAD_FUNC~

type = string-attribute
name = IDCODE_STRING
count = 27
'XYZ_7WnL61oCE1BsHFWFLeIXbQ~

type = string-attribute
name = IDCODE_DATE
count = 25
'Mon Jun 20 17:02:23 2011~

type = integer-attribute
name = SCENE_DATA
count = 8
 0 11 1 -999 -999
 -999 -999 -999

type = string-attribute
name = LABEL_1
count = 5
'zyxt~

type = string-attribute
name = LABEL_2
count = 5
'zyxt~

type = string-attribute
name = DATASET_NAME
count = 5
'zyxt~

type = integer-attribute
name = ORIENT_SPECIFIC
count = 3
 0 3 4

type  = float-attribute
name  = ORIGIN
count = 3
       -118.125       -118.125          -62.5

type  = float-attribute
name  = DELTA
count = 3
           3.75           3.75              5

type  = float-attribute
name  = IJK_TO_DICOM
count = 12
           3.75              0              0       -118.125              0
           3.75              0       -118.125              0              0
              5          -62.5

type  = float-attribute
name  = IJK_TO_DICOM_REAL
count = 12
           3.75              0              0       -118.125              0
           3.75              0       -118.125              0              0
              5          -62.5

type  = float-attribute
name  = BRICK_STATS
count = 2
       146.8048       24639.21

type = integer-attribute
name = DATASET_RANK
count = 8
 3 1 0 0 0
 0 0 0

type = integer-attribute
name = DATASET_DIMENSIONS
count = 5
 64 64 26 0 0

type = integer-attribute
name = BRICK_TYPES
count = 1
 3

type  = float-attribute
name  = BRICK_FLOAT_FACS
count = 1
              0

type = string-attribute
name = BRICK_LABS
count = 5
'Mean~

type = string-attribute
name = BRICK_KEYWORDS
count = 1
'~

type = string-attribute
name = TEMPLATE_SPACE
count = 5
'ORIG~

type = integer-attribute
name = INT_CMAP
count = 1
 0

type = string-attribute
name = BYTEORDER_STRING
count = 10
'LSB_FIRST~
