
type = string-attribute
name = HISTORY_NOTE
count = 142
'[kylealmryde@hagar.local: Mon Jun 20 17:02:14 2011] 3dTcat -prefix S46_word_tcat '/Volumes/Data/Stroop/S46/run_word/S46_word_epan+orig[4..$]'~

type = string-attribute
name = TYPESTRING
count = 15
'3DIM_HEAD_ANAT~

type = string-attribute
name = IDCODE_STRING
count = 27
'XYZ_dolrYxGmezUILc3nZH_K1w~

type = string-attribute
name = IDCODE_DATE
count = 25
'Mon Jun 20 17:02:14 2011~

type = integer-attribute
name = SCENE_DATA
count = 8
 0 2 0 -999 -999
 -999 -999 -999

type = string-attribute
name = LABEL_1
count = 5
'zyxt~

type = string-attribute
name = LABEL_2
count = 5
'zyxt~

type = string-attribute
name = DATASET_NAME
count = 5
'zyxt~

type = integer-attribute
name = ORIENT_SPECIFIC
count = 3
 0 3 4

type  = float-attribute
name  = ORIGIN
count = 3
       -118.125       -118.125          -62.5

type  = float-attribute
name  = DELTA
count = 3
           3.75           3.75              5

type  = float-attribute
name  = IJK_TO_DICOM
count = 12
           3.75              0              0       -118.125              0
           3.75              0       -118.125              0              0
              5          -62.5

type  = float-attribute
name  = IJK_TO_DICOM_REAL
count = 12
           3.75              0              0       -118.125              0
           3.75              0       -118.125              0              0
              5          -62.5

type  = float-attribute
name  = BRICK_STATS
count = 420
         -32768          29821         -32768          29737         -32768
          29881         -32768          29648         -32768          30064
         -32768          30332         -32768          29737         -32768
          29845         -32768          29633         -32768          29583
         -32768          29681         -32768          29561         -32768
          29573         -32768          29842         -32768          29680
         -32768          29526         -32768          29602         -32768
          29485         -32768          29570         -32768          29410
         -32768          29526         -32768          29473         -32768
          29396         -32768          29377         -32768          29706
         -32768          29637         -32768          29379         -32768
          29329         -32768          29154         -32768          29363
         -32768          29152         -32768          29369         -32768
          29673         -32768          29800         -32768          29460
         -32768          29473         -32768          29612         -32768
          29753         -32768          29965         -32768          30008
         -32768          29381         -32768          29508         -32768
          30311         -32768          29945         -32768          29808
         -32768          29604         -32768          29901         -32768
          29987         -32768          30035         -32768          29909
         -32768          29895         -32768          29871         -32768
          29897         -32768          29807         -32768          29773
         -32768          29137         -32768          29586         -32768
          29516         -32768          29228         -32768          29421
         -32768          29277         -32768          28991         -32768
          28998         -32768          28967         -32768          28815
         -32768          28625         -32768          28767         -32768
          28872         -32768          28903         -32768          28936
         -32768          28687         -32768          28790         -32768
          28769         -32768          28799         -32768          28638
         -32768          28753         -32768          28989         -32768
          28845         -32768          28847         -32768          28626
         -32768          28701         -32768          28946         -32768
          28745         -32768          28583         -32768          28514
         -32768          28787         -32768          28723         -32768
          28775         -32768          28698         -32768          28657
         -32768          28656         -32768          28670         -32768
          28735         -32768          28697         -32768          28601
         -32768          28484         -32768          28694         -32768
          28653         -32768          28435         -32768          28712
         -32768          28510         -32768          28561         -32768
          28570         -32768          28637         -32768          28627
         -32768          28709         -32768          28712         -32768
          28574         -32768          28510         -32768          28908
         -32768          28566         -32768          28596         -32768
          28626         -32768          28444         -32768          28501
         -32768          29113         -32768          29008         -32768
          28570         -32768          28828         -32768          28931
         -32768          28753         -32768          29181         -32768
          29223         -32768          29216         -32768          29400
         -32768          29291         -32768          29830         -32768
          29926         -32768          29736         -32768          29676
         -32768          29244         -32768          29263         -32768
          29817         -32768          29939         -32768          29528
         -32768          29884         -32768          29985         -32768
          29718         -32768          30110         -32768          29969
         -32768          29834         -32768          29646         -32768
          30327         -32768          29614         -32768          30295
         -32768          30152         -32768          29786         -32768
          30220         -32768          30308         -32768          30119
         -32768          30089         -32768          30317         -32768
          30073         -32768          29851         -32768          30145
         -32768          30303         -32768          30453         -32768
          30183         -32768          29795         -32768          30002
         -32768          29889         -32768          29695         -32768
          29955         -32768          30280         -32768          30412
         -32768          29932         -32768          30199         -32768
          29616         -32768          29318         -32768          29780
         -32768          29605         -32768          29806         -32768
          29896         -32768          29879         -32768          29829
         -32768          29341         -32768          29269         -32768
          29188         -32768          29188         -32768          28981
         -32768          29177         -32768          29251         -32768
          29146         -32768          29211         -32768          29148
         -32768          29385         -32768          29545         -32768
          29310         -32768          29271         -32768          29385
         -32768          29721         -32768          29139         -32768
          29154         -32768          29027         -32768          29229
         -32768          29453         -32768          29254         -32768
          29569         -32768          29406         -32768          29531
         -32768          29793         -32768          29474         -32768
          29872         -32768          29810         -32768          30845
         -32768          30660         -32768          30897         -32768
          30739         -32768          30986         -32768          30859

type = integer-attribute
name = TAXIS_NUMS
count = 8
 210 26 77002 -999 -999
 -999 -999 -999

type  = float-attribute
name  = TAXIS_FLOATS
count = 8
              0            3.5              0          -62.5              5
        -999999        -999999        -999999

type  = float-attribute
name  = TAXIS_OFFSETS
count = 26
            2.7          2.592          2.484          2.376          2.268
           2.16          2.052          1.944          1.836          1.728
           1.62          1.512          1.404          1.296          1.188
           1.08          0.972          0.864          0.756          0.648
           0.54          0.432          0.324          0.216          0.108
              0

type = integer-attribute
name = DATASET_RANK
count = 8
 3 210 0 0 0
 0 0 0

type = integer-attribute
name = DATASET_DIMENSIONS
count = 5
 64 64 26 0 0

type = integer-attribute
name = BRICK_TYPES
count = 210
 1 1 1 1 1
 1 1 1 1 1
 1 1 1 1 1
 1 1 1 1 1
 1 1 1 1 1
 1 1 1 1 1
 1 1 1 1 1
 1 1 1 1 1
 1 1 1 1 1
 1 1 1 1 1
 1 1 1 1 1
 1 1 1 1 1
 1 1 1 1 1
 1 1 1 1 1
 1 1 1 1 1
 1 1 1 1 1
 1 1 1 1 1
 1 1 1 1 1
 1 1 1 1 1
 1 1 1 1 1
 1 1 1 1 1
 1 1 1 1 1
 1 1 1 1 1
 1 1 1 1 1
 1 1 1 1 1
 1 1 1 1 1
 1 1 1 1 1
 1 1 1 1 1
 1 1 1 1 1
 1 1 1 1 1
 1 1 1 1 1
 1 1 1 1 1
 1 1 1 1 1
 1 1 1 1 1
 1 1 1 1 1
 1 1 1 1 1
 1 1 1 1 1
 1 1 1 1 1
 1 1 1 1 1
 1 1 1 1 1
 1 1 1 1 1
 1 1 1 1 1

type  = float-attribute
name  = BRICK_FLOAT_FACS
count = 210
              0              0              0              0              0
              0              0              0              0              0
              0              0              0              0              0
              0              0              0              0              0
              0              0              0              0              0
              0              0              0              0              0
              0              0              0              0              0
              0              0              0              0              0
              0              0              0              0              0
              0              0              0              0              0
              0              0              0              0              0
              0              0              0              0              0
              0              0              0              0              0
              0              0              0              0              0
              0              0              0              0              0
              0              0              0              0              0
              0              0              0              0              0
              0              0              0              0              0
              0              0              0              0              0
              0              0              0              0              0
              0              0              0              0              0
              0              0              0              0              0
              0              0              0              0              0
              0              0              0              0              0
              0              0              0              0              0
              0              0              0              0              0
              0              0              0              0              0
              0              0              0              0              0
              0              0              0              0              0
              0              0              0              0              0
              0              0              0              0              0
              0              0              0              0              0
              0              0              0              0              0
              0              0              0              0              0
              0              0              0              0              0
              0              0              0              0              0
              0              0              0              0              0
              0              0              0              0              0
              0              0              0              0              0
              0              0              0              0              0
              0              0              0              0              0
              0              0              0              0              0

type = string-attribute
name = BRICK_LABS
count = 948
'#4~#5~#6~#7~#8~#9~#10~#11~#12~#13~#14~#15~#16~#17~#18~#19~#20~#21~#22~#23~#24~#25~#26~#27~#28~#29~#30~#31~#32~#33~#34~#35~#36~#37~#38~#39~#40~#41~#42~#43~#44~#45~#46~#47~#48~#49~#50~#51~#52~#53~#54~#55~#56~#57~#58~#59~#60~#61~#62~#63~#64~#65~#66~#67~#68~#69~#70~#71~#72~#73~#74~#75~#76~#77~#78~#79~#80~#81~#82~#83~#84~#85~#86~#87~#88~#89~#90~#91~#92~#93~#94~#95~#96~#97~#98~#99~#100~#101~#102~#103~#104~#105~#106~#107~#108~#109~#110~#111~#112~#113~#114~#115~#116~#117~#118~#119~#120~#121~#122~#123~#124~#125~#126~#127~#128~#129~#130~#131~#132~#133~#134~#135~#136~#137~#138~#139~#140~#141~#142~#143~#144~#145~#146~#147~#148~#149~#150~#151~#152~#153~#154~#155~#156~#157~#158~#159~#160~#161~#162~#163~#164~#165~#166~#167~#168~#169~#170~#171~#172~#173~#174~#175~#176~#177~#178~#179~#180~#181~#182~#183~#184~#185~#186~#187~#188~#189~#190~#191~#192~#193~#194~#195~#196~#197~#198~#199~#200~#201~#202~#203~#204~#205~#206~#207~#208~#209~#210~#211~#212~#213~

type = string-attribute
name = TEMPLATE_SPACE
count = 5
'ORIG~

type = integer-attribute
name = INT_CMAP
count = 1
 0

type = string-attribute
name = BYTEORDER_STRING
count = 10
'LSB_FIRST~
