
type = string-attribute
name = HISTORY_NOTE
count = 588
'[kylealmryde@hagar.local: Mon Jun 20 17:02:14 2011] 3dTcat -prefix S46_word_tcat '/Volumes/Data/Stroop/S46/run_word/S46_word_epan+orig[4..$]'\n[kylealmryde@hagar.local: Mon Jun 20 17:02:16 2011] 3dTshift -tzero 0 -rlt+ -quintic -prefix S46_word_tshift S46_word_tcat+orig\n[kylealmryde@hagar.local: Mon Jun 20 17:02:19 2011] 3dvolreg -verbose -zpad 1 -base 'S46_word_tshift+orig[78]' -1Dfile dfile_S46_word.1D -prefix S46_word_volreg -cubic S46_word_tshift+orig\n[kylealmryde@hagar.local: Mon Jun 20 17:02:22 2011] 3dmerge -1blur_fwhm 6.0 -doall -prefix S46_word_blur S46_word_volreg+orig~

type = string-attribute
name = TYPESTRING
count = 15
'3DIM_HEAD_ANAT~

type = string-attribute
name = IDCODE_STRING
count = 27
'XYZ__nVezB67K0QuC5Juk0GzTg~

type = string-attribute
name = IDCODE_DATE
count = 25
'Mon Jun 20 17:02:22 2011~

type = integer-attribute
name = SCENE_DATA
count = 8
 0 2 0 -999 -999
 -999 -999 -999

type = string-attribute
name = LABEL_1
count = 14
'S46_word_blur~

type = string-attribute
name = LABEL_2
count = 5
'zyxt~

type = string-attribute
name = DATASET_NAME
count = 9
'zyxt(ED)~

type = integer-attribute
name = ORIENT_SPECIFIC
count = 3
 0 3 4

type  = float-attribute
name  = ORIGIN
count = 3
       -118.125       -118.125          -62.5

type  = float-attribute
name  = DELTA
count = 3
           3.75           3.75              5

type  = float-attribute
name  = IJK_TO_DICOM
count = 12
           3.75              0              0       -118.125              0
           3.75              0       -118.125              0              0
              5          -62.5

type  = float-attribute
name  = IJK_TO_DICOM_REAL
count = 12
           3.75              0              0       -118.125              0
           3.75              0       -118.125              0              0
              5          -62.5

type  = float-attribute
name  = BRICK_STATS
count = 420
            136          24556            134          24590            137
          24325            139          24559            135          24766
          -1084          24754            141          24685            132
          24746            134          24789            132          24710
            131          24776            140          24722            137
          24795          -1338          24846            138          24678
            137          24566            137          24679            137
          24737            138          24865            138          24716
            136          24726            132          24765            137
          24703            139          24697            135          24668
            140          24671            135          24679            133
          24687            141          24604            141          24663
            141          24611            140          24724            140
          24806            139          24764            141          24579
            142          24732            138          24649            140
          24620            140          24736            141          24793
            138          24909            138          24685            138
          24687            143          24906            134          24755
            137          24481            142          24652            139
          24796            140          24743            136          24732
            137          24853            140          24925            142
          24943            140          24724            132          24703
            140          24753            133          24860            140
          24906            135          24885            145          24988
            138          24841            128          24713            143
          24762            135          24735            128          24618
            146          24588            141          24667            138
          24753            149          24885            135          24823
            131          24812            142          24835            137
          24900            144          24820            146          24738
            133          24805            141          24861            143
          24916            125          24734            146          24660
            144          24704            135          24799            146
          24853            148          24779            133          24697
            143          24854            146          24812            143
          24719            134          24871            144          24792
            143          24685            132          24742            150
          24762            137          24831            137          24817
            140          24695            138          24746            143
          24927            141          24803            136          24602
            136          24614            148          24772            138
          24811            141          24723            148          24682
            149          24566            142          24592            138
          24734            144          24746            137          24711
            146          24717            139          24788            143
          24771            144          24613            144          24606
            143          24766            141          24806            138
          24801            141          24816            147          24776
            140          24780            136          24820            142
          24825            147          24727            135          24631
            143          24759            140          24807            140
          24739            143          24711            138          24742
            136          24778            136          24819            132
          24664            137          24602            144          24680
            145          24680            129          24697            143
          24753            145          24778            134          24718
            140          24784            141          24765            135
          24655            139          24643            140          24681
            139          24768            139          24746            138
          24627            137          24651            141          24722
            142          24703            137          24632            135
          24633            137          24630            133          24710
            134          24701            135          24745            133
          24814            142          24731            139          24701
            134          24659            142          24734            140
          24728            137          24565            140          24545
            135          24628            137          24646            141
          24613            138          24715            140          24668
            139          24550            139          24669            134
          24614            142          24565            141          24597
            135          24706            141          24637            139
          24706            139          24602            140          24577
            138          24478            133          24563            142
          24523            139          24495            123          24649
            142          24643            140          24628            140
          24718            142          24608            134          24387
            129          24558            135          24634            142
          24576            129          24513            139          24536
            143          24565            126          24540            134
          24516            142          24507            135          24506
            138          24558            139          24607            136
          24441           -487          24447           -290          24601
           -639          24402           -755          24530           -498
          24661           -355          24546           -519          24549

type = integer-attribute
name = TAXIS_NUMS
count = 8
 210 0 77002 -999 -999
 -999 -999 -999

type  = float-attribute
name  = TAXIS_FLOATS
count = 8
              0            3.5              0              0              0
        -999999        -999999        -999999

type = integer-attribute
name = DATASET_RANK
count = 8
 3 210 0 0 0
 0 0 0

type = integer-attribute
name = DATASET_DIMENSIONS
count = 5
 64 64 26 0 0

type = integer-attribute
name = BRICK_TYPES
count = 210
 1 1 1 1 1
 1 1 1 1 1
 1 1 1 1 1
 1 1 1 1 1
 1 1 1 1 1
 1 1 1 1 1
 1 1 1 1 1
 1 1 1 1 1
 1 1 1 1 1
 1 1 1 1 1
 1 1 1 1 1
 1 1 1 1 1
 1 1 1 1 1
 1 1 1 1 1
 1 1 1 1 1
 1 1 1 1 1
 1 1 1 1 1
 1 1 1 1 1
 1 1 1 1 1
 1 1 1 1 1
 1 1 1 1 1
 1 1 1 1 1
 1 1 1 1 1
 1 1 1 1 1
 1 1 1 1 1
 1 1 1 1 1
 1 1 1 1 1
 1 1 1 1 1
 1 1 1 1 1
 1 1 1 1 1
 1 1 1 1 1
 1 1 1 1 1
 1 1 1 1 1
 1 1 1 1 1
 1 1 1 1 1
 1 1 1 1 1
 1 1 1 1 1
 1 1 1 1 1
 1 1 1 1 1
 1 1 1 1 1
 1 1 1 1 1
 1 1 1 1 1

type  = float-attribute
name  = BRICK_FLOAT_FACS
count = 210
              0              0              0              0              0
              0              0              0              0              0
              0              0              0              0              0
              0              0              0              0              0
              0              0              0              0              0
              0              0              0              0              0
              0              0              0              0              0
              0              0              0              0              0
              0              0              0              0              0
              0              0              0              0              0
              0              0              0              0              0
              0              0              0              0              0
              0              0              0              0              0
              0              0              0              0              0
              0              0              0              0              0
              0              0              0              0              0
              0              0              0              0              0
              0              0              0              0              0
              0              0              0              0              0
              0              0              0              0              0
              0              0              0              0              0
              0              0              0              0              0
              0              0              0              0              0
              0              0              0              0              0
              0              0              0              0              0
              0              0              0              0              0
              0              0              0              0              0
              0              0              0              0              0
              0              0              0              0              0
              0              0              0              0              0
              0              0              0              0              0
              0              0              0              0              0
              0              0              0              0              0
              0              0              0              0              0
              0              0              0              0              0
              0              0              0              0              0
              0              0              0              0              0
              0              0              0              0              0
              0              0              0              0              0
              0              0              0              0              0
              0              0              0              0              0
              0              0              0              0              0

type = string-attribute
name = BRICK_LABS
count = 948
'#4~#5~#6~#7~#8~#9~#10~#11~#12~#13~#14~#15~#16~#17~#18~#19~#20~#21~#22~#23~#24~#25~#26~#27~#28~#29~#30~#31~#32~#33~#34~#35~#36~#37~#38~#39~#40~#41~#42~#43~#44~#45~#46~#47~#48~#49~#50~#51~#52~#53~#54~#55~#56~#57~#58~#59~#60~#61~#62~#63~#64~#65~#66~#67~#68~#69~#70~#71~#72~#73~#74~#75~#76~#77~#78~#79~#80~#81~#82~#83~#84~#85~#86~#87~#88~#89~#90~#91~#92~#93~#94~#95~#96~#97~#98~#99~#100~#101~#102~#103~#104~#105~#106~#107~#108~#109~#110~#111~#112~#113~#114~#115~#116~#117~#118~#119~#120~#121~#122~#123~#124~#125~#126~#127~#128~#129~#130~#131~#132~#133~#134~#135~#136~#137~#138~#139~#140~#141~#142~#143~#144~#145~#146~#147~#148~#149~#150~#151~#152~#153~#154~#155~#156~#157~#158~#159~#160~#161~#162~#163~#164~#165~#166~#167~#168~#169~#170~#171~#172~#173~#174~#175~#176~#177~#178~#179~#180~#181~#182~#183~#184~#185~#186~#187~#188~#189~#190~#191~#192~#193~#194~#195~#196~#197~#198~#199~#200~#201~#202~#203~#204~#205~#206~#207~#208~#209~#210~#211~#212~#213~

type = string-attribute
name = BRICK_KEYWORDS
count = 210
'~~~~~~~~~~~~~~~~~~~~~~~~~~~~~~~~~~~~~~~~~~~~~~~~~~~~~~~~~~~~~~~~~~~~~~~~~~~~~~~~~~~~~~~~~~~~~~~~~~~~~~~~~~~~~~~~~~~~~~~~~~~~~~~~~~~~~~~~~~~~~~~~~~~~~~~~~~~~~~~~~~~~~~~~~~~~~~~~~~~~~~~~~~~~~~~~~~~~~~~~~~~~~~~~~~

type = string-attribute
name = TEMPLATE_SPACE
count = 5
'ORIG~

type = integer-attribute
name = INT_CMAP
count = 1
 0

type = string-attribute
name = BYTEORDER_STRING
count = 10
'LSB_FIRST~
