
type = string-attribute
name = HISTORY_NOTE
count = 290
'[kylealmryde@mbb-techs-power-mac-g5.local: Tue Nov  9 10:53:13 2010] 3dTcat -prefix S19_voice_newprocess/S19_voice_tcat 'S19_voice_epan+orig[4..$]'\n[kylealmryde@mbb-techs-power-mac-g5.local: Tue Nov  9 10:53:24 2010] 3dTshift -tzero 0 -quintic -prefix S19_voice_tshift S19_voice_tcat+orig~

type = string-attribute
name = TYPESTRING
count = 15
'3DIM_HEAD_ANAT~

type = string-attribute
name = IDCODE_STRING
count = 27
'XYZ_P0l-tDuV8JBe3QIN2cbV7g~

type = string-attribute
name = IDCODE_DATE
count = 25
'Tue Nov  9 10:53:24 2010~

type = integer-attribute
name = SCENE_DATA
count = 8
 0 2 0 -999 -999
 -999 -999 -999

type = string-attribute
name = LABEL_1
count = 17
'S19_voice_tshift~

type = string-attribute
name = LABEL_2
count = 5
'zyxt~

type = string-attribute
name = DATASET_NAME
count = 5
'zyxt~

type = integer-attribute
name = ORIENT_SPECIFIC
count = 3
 0 3 4

type  = float-attribute
name  = ORIGIN
count = 3
       -118.125       -118.125          -62.5

type  = float-attribute
name  = DELTA
count = 3
           3.75           3.75              5

type  = float-attribute
name  = IJK_TO_DICOM
count = 12
           3.75              0              0       -118.125              0
           3.75              0       -118.125              0              0
              5          -62.5

type  = float-attribute
name  = IJK_TO_DICOM_REAL
count = 12
           3.75              0              0       -118.125              0
           3.75              0       -118.125              0              0
              5          -62.5

type  = float-attribute
name  = BRICK_STATS
count = 420
            128          27847            119          28122            111
          27925             98          28070            108          28266
            101          28293            104          28288            117
          28065            120          27809            116          27970
            109          27926             97          27988            114
          27874             91          27860            119          27852
            110          27741            113          27791            114
          27955            109          27820            108          27909
            110          27876            106          27691            112
          27885            112          27753            107          27980
            111          27663            118          27767            113
          27672            113          27649            114          27850
            122          27629             98          28052            116
          27691            115          27934            105          27754
            112          27874            120          27544            114
          27598            113          27496            114          27643
            110          28017            112          27815            108
          27928            102          27511            120          27819
            100          27785            112          27794            117
          27813            115          27747            112          27840
            118          28047            118          27747            112
          27917            114          28069            104          27740
            105          27741            115          27994            110
          28022            101          28101            101          28375
            115          28147            108          28033            113
          28058            112          27999            113          27980
            107          28018            108          27963            111
          27765            111          27861            108          27814
            104          27951            113          28124            114
          28228            105          28148            117          28164
            116          27822             99          28089            111
          28084            107          27904            103          27759
            117          27841            113          27766            107
          27718            110          28033            107          28166
            114          27871            119          27660            112
          27870            106          27772            115          28001
            104          28012            102          27904            105
          27951            109          27670            104          27672
            105          28113            104          28146             98
          28005            117          27885             88          27975
            111          28053            112          27987            113
          28142            116          28017            104          28043
            112          28066            114          28047            100
          28188            109          28045            105          27949
            103          27947            109          27984            112
          27995            118          27971             99          27949
             95          27948            108          27952            114
          27966            110          28087            111          28212
            102          28029            114          28110            105
          28300            107          28599            111          28634
            119          28302            113          28121            106
          28327            111          28358            115          28298
            111          28354            109          28416            102
          28417            108          28242            110          28364
            114          28317            112          28307            109
          28473            113          28348            107          28104
            104          28346            113          28538             86
          28302             95          28357            113          28534
            114          28525            113          28499            112
          28506            106          28315            114          28572
            113          28533            115          28354            109
          28533            112          28689            110          28302
            117          28299            115          28558            118
          28312            112          28449            111          28570
            112          28167            112          28142            112
          28217            114          28419            112          28510
            110          28318            112          28400            108
          28769            112          28681             94          28549
            113          28733            107          28930            114
          28626            114          28695            107          28726
            112          28729            111          28677            117
          28523            114          28810            120          28705
            118          28789            111          28793            118
          28575            119          28865            115          28994
            106          28961            111          28922            118
          28986            106          29178            109          29141
            110          28782            112          28715            117
          28949            113          28929            112          29110
            112          29101            110          28723            114
          28979            106          29056            110          29012
            111          29019            114          28817            121
          28636            118          28911            107          28833
            119          28816            113          28811            114
          28788            115          28752            116          28656

type = integer-attribute
name = TAXIS_NUMS
count = 8
 210 0 77002 -999 -999
 -999 -999 -999

type  = float-attribute
name  = TAXIS_FLOATS
count = 8
              0            3.5              0          -62.5              5
        -999999        -999999        -999999

type = integer-attribute
name = DATASET_RANK
count = 8
 3 210 0 0 0
 0 0 0

type = integer-attribute
name = DATASET_DIMENSIONS
count = 5
 64 64 26 0 0

type = integer-attribute
name = BRICK_TYPES
count = 210
 1 1 1 1 1
 1 1 1 1 1
 1 1 1 1 1
 1 1 1 1 1
 1 1 1 1 1
 1 1 1 1 1
 1 1 1 1 1
 1 1 1 1 1
 1 1 1 1 1
 1 1 1 1 1
 1 1 1 1 1
 1 1 1 1 1
 1 1 1 1 1
 1 1 1 1 1
 1 1 1 1 1
 1 1 1 1 1
 1 1 1 1 1
 1 1 1 1 1
 1 1 1 1 1
 1 1 1 1 1
 1 1 1 1 1
 1 1 1 1 1
 1 1 1 1 1
 1 1 1 1 1
 1 1 1 1 1
 1 1 1 1 1
 1 1 1 1 1
 1 1 1 1 1
 1 1 1 1 1
 1 1 1 1 1
 1 1 1 1 1
 1 1 1 1 1
 1 1 1 1 1
 1 1 1 1 1
 1 1 1 1 1
 1 1 1 1 1
 1 1 1 1 1
 1 1 1 1 1
 1 1 1 1 1
 1 1 1 1 1
 1 1 1 1 1
 1 1 1 1 1

type  = float-attribute
name  = BRICK_FLOAT_FACS
count = 210
              0              0              0              0              0
              0              0              0              0              0
              0              0              0              0              0
              0              0              0              0              0
              0              0              0              0              0
              0              0              0              0              0
              0              0              0              0              0
              0              0              0              0              0
              0              0              0              0              0
              0              0              0              0              0
              0              0              0              0              0
              0              0              0              0              0
              0              0              0              0              0
              0              0              0              0              0
              0              0              0              0              0
              0              0              0              0              0
              0              0              0              0              0
              0              0              0              0              0
              0              0              0              0              0
              0              0              0              0              0
              0              0              0              0              0
              0              0              0              0              0
              0              0              0              0              0
              0              0              0              0              0
              0              0              0              0              0
              0              0              0              0              0
              0              0              0              0              0
              0              0              0              0              0
              0              0              0              0              0
              0              0              0              0              0
              0              0              0              0              0
              0              0              0              0              0
              0              0              0              0              0
              0              0              0              0              0
              0              0              0              0              0
              0              0              0              0              0
              0              0              0              0              0
              0              0              0              0              0
              0              0              0              0              0
              0              0              0              0              0
              0              0              0              0              0
              0              0              0              0              0

type = string-attribute
name = BRICK_LABS
count = 948
'#4~#5~#6~#7~#8~#9~#10~#11~#12~#13~#14~#15~#16~#17~#18~#19~#20~#21~#22~#23~#24~#25~#26~#27~#28~#29~#30~#31~#32~#33~#34~#35~#36~#37~#38~#39~#40~#41~#42~#43~#44~#45~#46~#47~#48~#49~#50~#51~#52~#53~#54~#55~#56~#57~#58~#59~#60~#61~#62~#63~#64~#65~#66~#67~#68~#69~#70~#71~#72~#73~#74~#75~#76~#77~#78~#79~#80~#81~#82~#83~#84~#85~#86~#87~#88~#89~#90~#91~#92~#93~#94~#95~#96~#97~#98~#99~#100~#101~#102~#103~#104~#105~#106~#107~#108~#109~#110~#111~#112~#113~#114~#115~#116~#117~#118~#119~#120~#121~#122~#123~#124~#125~#126~#127~#128~#129~#130~#131~#132~#133~#134~#135~#136~#137~#138~#139~#140~#141~#142~#143~#144~#145~#146~#147~#148~#149~#150~#151~#152~#153~#154~#155~#156~#157~#158~#159~#160~#161~#162~#163~#164~#165~#166~#167~#168~#169~#170~#171~#172~#173~#174~#175~#176~#177~#178~#179~#180~#181~#182~#183~#184~#185~#186~#187~#188~#189~#190~#191~#192~#193~#194~#195~#196~#197~#198~#199~#200~#201~#202~#203~#204~#205~#206~#207~#208~#209~#210~#211~#212~#213~

type = string-attribute
name = BRICK_KEYWORDS
count = 210
'~~~~~~~~~~~~~~~~~~~~~~~~~~~~~~~~~~~~~~~~~~~~~~~~~~~~~~~~~~~~~~~~~~~~~~~~~~~~~~~~~~~~~~~~~~~~~~~~~~~~~~~~~~~~~~~~~~~~~~~~~~~~~~~~~~~~~~~~~~~~~~~~~~~~~~~~~~~~~~~~~~~~~~~~~~~~~~~~~~~~~~~~~~~~~~~~~~~~~~~~~~~~~~~~~~

type = string-attribute
name = BYTEORDER_STRING
count = 10
'MSB_FIRST~
