
type = string-attribute
name = HISTORY_NOTE
count = 148
'[kylealmryde@mbb-techs-power-mac-g5.local: Tue Nov  9 10:53:13 2010] 3dTcat -prefix S19_voice_newprocess/S19_voice_tcat 'S19_voice_epan+orig[4..$]'~

type = string-attribute
name = TYPESTRING
count = 15
'3DIM_HEAD_ANAT~

type = string-attribute
name = IDCODE_STRING
count = 27
'XYZ_2JBYUZvPZlwBn4K8q1z_1w~

type = string-attribute
name = IDCODE_DATE
count = 25
'Tue Nov  9 10:53:13 2010~

type = integer-attribute
name = SCENE_DATA
count = 8
 0 2 0 -999 -999
 -999 -999 -999

type = string-attribute
name = LABEL_1
count = 5
'zyxt~

type = string-attribute
name = LABEL_2
count = 5
'zyxt~

type = string-attribute
name = DATASET_NAME
count = 5
'zyxt~

type = integer-attribute
name = ORIENT_SPECIFIC
count = 3
 0 3 4

type  = float-attribute
name  = ORIGIN
count = 3
       -118.125       -118.125          -62.5

type  = float-attribute
name  = DELTA
count = 3
           3.75           3.75              5

type  = float-attribute
name  = IJK_TO_DICOM
count = 12
           3.75              0              0       -118.125              0
           3.75              0       -118.125              0              0
              5          -62.5

type  = float-attribute
name  = IJK_TO_DICOM_REAL
count = 12
           3.75              0              0       -118.125              0
           3.75              0       -118.125              0              0
              5          -62.5

type  = float-attribute
name  = BRICK_STATS
count = 420
            107          28124            101          28028             97
          27933            101          28133             90          28293
             92          28291            111          28288            108
          27983            109          27803             96          28017
             88          27898            111          28005             89
          27874            112          27891            104          27852
            107          27741            105          27791            102
          27955             99          27820             90          27909
             99          27876             98          27691            103
          27885            101          27753            106          27980
             97          27663             99          27767            113
          27672            111          27649             96          27850
             90          27629            106          28052            110
          27691             96          27934            103          27754
             96          27874            109          27544            101
          27598            108          27564            101          27643
            109          28017            113          27815             95
          27928             98          27594             92          27819
            103          27795            103          27779            115
          27813             97          27715            112          27840
            115          28055            104          27747             99
          28148             90          27920             88          27691
            106          27810            110          28051             94
          27999             94          28185            106          28392
             98          28014            106          28072            109
          28028            106          27983            108          27982
            110          28017            105          27902            104
          27730            106          27911             82          27774
            102          28054             99          28137             95
          28242             75          28100            105          28143
            100          27728            107          28258            106
          27934            109          27897            100          27712
            111          27888             99          27688             96
          27792            107          28130            103          28101
            112          27750            102          27680            102
          27924            101          27722             97          28125
            100          27910            104          27926             96
          27907             96          27575             90          27800
             98          28212             84          28061            107
          27976             88          27863            106          28033
             90          28029            107          27991            101
          28179            106          27936            104          28104
            108          28026            107          28080             97
          28197             83          27956            104          27962
            106          27938            107          28000            111
          27978            107          27962             91          27939
            101          27948            103          27949            100
          27986             89          28136            100          28195
            102          27968             89          28208             97
          28354             99          28685            105          28531
             99          28196             99          28144             94
          28397            104          28306            104          28308
            101          28375             96          28421            100
          28380            106          28206            108          28426
            104          28247            109          28368            106
          28476             96          28247            106          28101
            110          28474             83          28487             95
          28236            110          28446             92          28541
            102          28504            109          28496             91
          28475            110          28289            100          28685
            112          28406            108          28385            100
          28607            102          28636            103          28167
            107          28423            108          28540            107
          28233            108          28573             97          28469
            110          28052            112          28216            104
          28225            100          28504            110          28453
            100          28280            108          28512            108
          28827             97          28574            106          28587
             98          28810             92          28905            111
          28517            103          28796            109          28666
            102          28753            103          28609            103
          28541            110          28896            108          28608
            104          28881            110          28693            109
          28587            109          28994            106          28948
            108          28962            109          28909            106
          29045            105          29206            107          29042
            109          28680            104          28786             94
          28990            111          28913             99          29187
            111          28979            101          28678            108
          29124            109          28977            106          29039
            122          28966            109          28732            108
          28654            111          28996            112          28732
            111          28868            111          28765            105
          28795            111          28710            108          28700

type = integer-attribute
name = TAXIS_NUMS
count = 8
 210 26 77002 -999 -999
 -999 -999 -999

type  = float-attribute
name  = TAXIS_FLOATS
count = 8
              0            3.5              0          -62.5              5
        -999999        -999999        -999999

type  = float-attribute
name  = TAXIS_OFFSETS
count = 26
            2.7          2.592          2.484          2.376          2.268
           2.16          2.052          1.944          1.836          1.728
           1.62          1.512          1.404          1.296          1.188
           1.08          0.972          0.864          0.756          0.648
           0.54          0.432          0.324          0.216          0.108
              0

type = integer-attribute
name = DATASET_RANK
count = 8
 3 210 0 0 0
 0 0 0

type = integer-attribute
name = DATASET_DIMENSIONS
count = 5
 64 64 26 0 0

type = integer-attribute
name = BRICK_TYPES
count = 210
 1 1 1 1 1
 1 1 1 1 1
 1 1 1 1 1
 1 1 1 1 1
 1 1 1 1 1
 1 1 1 1 1
 1 1 1 1 1
 1 1 1 1 1
 1 1 1 1 1
 1 1 1 1 1
 1 1 1 1 1
 1 1 1 1 1
 1 1 1 1 1
 1 1 1 1 1
 1 1 1 1 1
 1 1 1 1 1
 1 1 1 1 1
 1 1 1 1 1
 1 1 1 1 1
 1 1 1 1 1
 1 1 1 1 1
 1 1 1 1 1
 1 1 1 1 1
 1 1 1 1 1
 1 1 1 1 1
 1 1 1 1 1
 1 1 1 1 1
 1 1 1 1 1
 1 1 1 1 1
 1 1 1 1 1
 1 1 1 1 1
 1 1 1 1 1
 1 1 1 1 1
 1 1 1 1 1
 1 1 1 1 1
 1 1 1 1 1
 1 1 1 1 1
 1 1 1 1 1
 1 1 1 1 1
 1 1 1 1 1
 1 1 1 1 1
 1 1 1 1 1

type  = float-attribute
name  = BRICK_FLOAT_FACS
count = 210
              0              0              0              0              0
              0              0              0              0              0
              0              0              0              0              0
              0              0              0              0              0
              0              0              0              0              0
              0              0              0              0              0
              0              0              0              0              0
              0              0              0              0              0
              0              0              0              0              0
              0              0              0              0              0
              0              0              0              0              0
              0              0              0              0              0
              0              0              0              0              0
              0              0              0              0              0
              0              0              0              0              0
              0              0              0              0              0
              0              0              0              0              0
              0              0              0              0              0
              0              0              0              0              0
              0              0              0              0              0
              0              0              0              0              0
              0              0              0              0              0
              0              0              0              0              0
              0              0              0              0              0
              0              0              0              0              0
              0              0              0              0              0
              0              0              0              0              0
              0              0              0              0              0
              0              0              0              0              0
              0              0              0              0              0
              0              0              0              0              0
              0              0              0              0              0
              0              0              0              0              0
              0              0              0              0              0
              0              0              0              0              0
              0              0              0              0              0
              0              0              0              0              0
              0              0              0              0              0
              0              0              0              0              0
              0              0              0              0              0
              0              0              0              0              0
              0              0              0              0              0

type = string-attribute
name = BRICK_LABS
count = 948
'#4~#5~#6~#7~#8~#9~#10~#11~#12~#13~#14~#15~#16~#17~#18~#19~#20~#21~#22~#23~#24~#25~#26~#27~#28~#29~#30~#31~#32~#33~#34~#35~#36~#37~#38~#39~#40~#41~#42~#43~#44~#45~#46~#47~#48~#49~#50~#51~#52~#53~#54~#55~#56~#57~#58~#59~#60~#61~#62~#63~#64~#65~#66~#67~#68~#69~#70~#71~#72~#73~#74~#75~#76~#77~#78~#79~#80~#81~#82~#83~#84~#85~#86~#87~#88~#89~#90~#91~#92~#93~#94~#95~#96~#97~#98~#99~#100~#101~#102~#103~#104~#105~#106~#107~#108~#109~#110~#111~#112~#113~#114~#115~#116~#117~#118~#119~#120~#121~#122~#123~#124~#125~#126~#127~#128~#129~#130~#131~#132~#133~#134~#135~#136~#137~#138~#139~#140~#141~#142~#143~#144~#145~#146~#147~#148~#149~#150~#151~#152~#153~#154~#155~#156~#157~#158~#159~#160~#161~#162~#163~#164~#165~#166~#167~#168~#169~#170~#171~#172~#173~#174~#175~#176~#177~#178~#179~#180~#181~#182~#183~#184~#185~#186~#187~#188~#189~#190~#191~#192~#193~#194~#195~#196~#197~#198~#199~#200~#201~#202~#203~#204~#205~#206~#207~#208~#209~#210~#211~#212~#213~

type = string-attribute
name = BYTEORDER_STRING
count = 10
'MSB_FIRST~
